{
    "Modality": "MR",
    "MagneticFieldStrength": 3,
    "ImagingFrequency": 123.24692,
    "Manufacturer": "Siemens",
    "ManufacturersModelName": "Prisma_fit",
    "InstitutionName": "Washington University",
    "InstitutionalDepartmentName": "Department",
    "InstitutionAddress": "Scott Ave 4525,St. Louis,MO,US,63110",
    "DeviceSerialNumber": "67064",
    "StationName": "MRC35177",
    "BodyPartExamined": "HEAD",
    "PatientPosition": "HFS",
    "ProcedureStepDescription": "head^Dosenbach",
    "SoftwareVersions": "syngo MR E11",
    "MRAcquisitionType": "2D",
    "SeriesDescription": "NAMWORDS_Round1_fMRI_AP_2p0mm_MB8_tr800_te37",
    "ProtocolName": "NAMWORDS_Round1_fMRI_AP_2p0mm_MB8_tr800_te37",
    "ScanningSequence": "EP",
    "SequenceVariant": "SK\\SS",
    "ScanOptions": "FS",
    "SequenceName": "epfid2d1_104",
    "ImageType": [
        "ORIGINAL",
        "PRIMARY",
        "M",
        "MB",
        "ND",
        "MOSAIC"
    ],
    "NonlinearGradientCorrection": false,
    "SeriesNumber": 24,
    "AcquisitionTime": "21:56:6.235000",
    "AcquisitionNumber": 1,
    "ImageComments": "Unaliased MB8/PE3",
    "SliceThickness": 2,
    "SpacingBetweenSlices": 2,
    "SAR": 0.0168692,
    "EchoTime": 0.037,
    "RepetitionTime": 3.07,
    "FlipAngle": 90,
    "PartialFourier": 1,
    "BaseResolution": 104,
    "ShimSetting": [
        -1997,
        -11492,
        5913,
        564,
        3,
        95,
        -56,
        -8
    ],
    "DelayTime": 2.3,
    "TxRefAmp": 221.308,
    "PhaseResolution": 1,
    "ReceiveCoilName": "HeadNeck_64",
    "ReceiveCoilActiveElements": "HC1-7;NC1,2",
    "PulseSequenceDetails": "%CustomerSeq%\\cmrr_mbep2d_bold",
    "WipMemBlock": "e23f1a08-6bf2-489d-b1fc-9be2664cd25a||Sequence: ve11c/master r/ab69a6c; Apr 19 2017 09:47:47 by eja",
    "CoilCombinationMethod": "Sum of Squares",
    "ConsistencyInfo": "N4_VE11C_LATEST_20160120",
    "MatrixCoilMode": "SENSE",
    "MultibandAccelerationFactor": 8,
    "PercentPhaseFOV": 100,
    "PercentSampling": 100,
    "EchoTrainLength": 104,
    "PhaseEncodingSteps": 104,
    "AcquisitionMatrixPE": 104,
    "ReconMatrixPE": 104,
    "BandwidthPerPixelPhaseEncode": 16.578,
    "EffectiveEchoSpacing": 0.000580009,
    "DerivedVendorReportedEchoSpacing": 0.000580009,
    "TotalReadoutTime": 0.0597409,
    "PixelBandwidth": 2290,
    "DwellTime": 2.1e-06,
    "PhaseEncodingDirection": "j-",
    "SliceTiming": [
        0,
        0.4175,
        0.085,
        0.5,
        0.1675,
        0.585,
        0.25,
        0.6675,
        0.335,
        0,
        0.4175,
        0.085,
        0.5,
        0.1675,
        0.585,
        0.25,
        0.6675,
        0.335,
        0,
        0.4175,
        0.085,
        0.5,
        0.1675,
        0.585,
        0.25,
        0.6675,
        0.335,
        0,
        0.4175,
        0.085,
        0.5,
        0.1675,
        0.585,
        0.25,
        0.6675,
        0.335,
        0,
        0.4175,
        0.085,
        0.5,
        0.1675,
        0.585,
        0.25,
        0.6675,
        0.335,
        0,
        0.4175,
        0.085,
        0.5,
        0.1675,
        0.585,
        0.25,
        0.6675,
        0.335,
        0,
        0.4175,
        0.085,
        0.5,
        0.1675,
        0.585,
        0.25,
        0.6675,
        0.335,
        0,
        0.4175,
        0.085,
        0.5,
        0.1675,
        0.585,
        0.25,
        0.6675,
        0.335
    ],
    "ImageOrientationPatientDICOM": [
        0.996691,
        0.0681308,
        0.0443371,
        -0.0494438,
        0.941063,
        -0.334599
    ],
    "ImageOrientationText": "Tra>Cor(-19.4)>Sag(3.7)",
    "InPlanePhaseEncodingDirectionDICOM": "COL",
    "ConversionSoftware": "dcm2niix",
    "ConversionSoftwareVersion": "v1.0.20230411",
    "Dcm2bidsVersion": "2.1.6",
    "TaskName": "namwords"
}