{
  "AcquisitionMatrixPE": 88,
  "AcquisitionNumber": 1,
  "AcquisitionTime": "11:39:42.127500",
  "BandwidthPerPixelPhaseEncode": 19.26,
  "BaseResolution": 90,
  "BodyPartExamined": "HEAD",
  "CoilCombinationMethod": "Sum of Squares",
  "ConsistencyInfo": "N4_VE11C_LATEST_20160120",
  "ConversionSoftware": "dcm2niix",
  "ConversionSoftwareVersion": "v1.0.20230411",
  "DerivedVendorReportedEchoSpacing": 0.000590012,
  "DeviceSerialNumber": "67064",
  "DwellTime": 2.5e-06,
  "EchoTime": 0.06,
  "EchoTrainLength": 88,
  "EffectiveEchoSpacing": 0.000590012,
  "FlipAngle": 90,
  "HeudiconvVersion": "1.0.0",
  "ImageOrientationPatientDICOM": [0.99964, -0.0225053, -0.0146414, 0.0237324, 0.995669, 0.0898849],
  "ImageOrientationText": "Tra>Cor(5.2)>Sag(-0.7)",
  "ImageType": [
    "ORIGINAL",
    "PRIMARY",
    "M",
    "ND",
    "NORM",
    "MOSAIC"
],
  "ImagingFrequency": 123.246987,
  "InPlanePhaseEncodingDirectionDICOM": "COL",
  "InstitutionAddress": "Scott Ave 4525,St. Louis,MO,US,63110",
  "InstitutionName": "Washington University",
  "InstitutionalDepartmentName": "Department",
  "MRAcquisitionType": "2D",
  "MagneticFieldStrength": 3,
  "Manufacturer": "Siemens",
  "ManufacturersModelName": "Prisma_fit",
  "MatrixCoilMode": "SENSE",
  "Modality": "MR",
  "NonlinearGradientCorrection": false,
  "PartialFourier": 1,
  "PatientPosition": "HFS",
  "PercentPhaseFOV": 97.7778,
  "PercentSampling": 100,
  "PhaseEncodingDirection": "j",
  "PhaseEncodingSteps": 88,
  "PhaseResolution": 1,
  "PixelBandwidth": 2220,
  "ProcedureStepDescription": "head^Dosenbach",
  "ProtocolName": "SpinEchoFieldMap_PA_2p6mm_56sl",
  "PulseSequenceDetails": "%CustomerSeq%\\cmrr_mbep2d_se",
  "ReceiveCoilActiveElements": "HC1-7",
  "ReceiveCoilName": "HeadNeck_64",
  "ReconMatrixPE": 88,
  "RepetitionTime": 5.7,
  "SAR": 0.151752,
  "ScanOptions": "FS",
  "ScanningSequence": "EP",
  "SequenceName": "epse2d1_88",
  "SequenceVariant": "SK",
  "SeriesDescription": "SpinEchoFieldMap_PA_2p6mm_56sl",
  "SeriesNumber": 10,
  "ShimSetting": [-1999, -11485, 5881, 557, 34, 32, 105, -26],
  "SliceThickness": 2.6,
  "SliceTiming": [2.84, 0, 2.9425, 0.1025, 3.0425, 0.2025, 3.145, 0.305, 3.245, 0.4075, 3.3475, 0.5075, 3.45, 0.61, 3.55, 0.71, 3.6525, 0.8125, 3.7525, 0.9125, 3.855, 1.015, 3.955, 1.115, 4.0575, 1.2175, 4.16, 1.32, 4.26, 1.42, 4.3625, 1.5225, 4.4625, 1.6225, 4.565, 1.725, 4.665, 1.825, 4.7675, 1.9275, 4.87, 2.03, 4.97, 2.13, 5.0725, 2.2325, 5.1725, 2.3325, 5.275, 2.435, 5.375, 2.535, 5.4775, 2.6375, 5.5775, 2.74],
  "SoftwareVersions": "syngo MR E11",
  "SpacingBetweenSlices": 2.6,
  "StationName": "MRC35177",
  "TotalReadoutTime": 0.0513311,
  "TxRefAmp": 253.005,
  "VendorReportedEchoSpacing": 0.00059,
  "WipMemBlock": "954e7eb0-6458-4d78-abb9-c72c5d3eb3bb||Sequence: ve11c/master r/ab69a6c; Apr 19 2017 10:08:21 by eja",
  "dcmmeta_affine": [
    [-2.59906268119812, 0.061704229563474655, -0.03264341130852699, 112.590087890625],
    [0.05851367115974426, 2.588740348815918, 0.23452001810073853, -100.35929870605469],
    [-0.0380677655339241, -0.23370081186294556, 2.589195728302002, -47.396766662597656],
    [0.0, 0.0, 0.0, 1.0]
],
  "dcmmeta_reorient_transform": [
    [0.0, -1.0, 0.0, 87.0],
    [1.0, 0.0, 0.0, 0.0],
    [0.0, 0.0, 1.0, 0.0],
    [0.0, 0.0, 0.0, 1.0]
],
  "dcmmeta_shape": [90, 88, 56, 3],
  "dcmmeta_slice_dim": 2,
  "dcmmeta_version": 0.6,
  "global": {
    "const": {
      "AccessionNumber": ".",
      "AcquisitionMatrix": [90, 0, 0, 88],
      "AngioFlag": "N",
      "BitsAllocated": 16,
      "BitsStored": 16,
      "BodyPartExamined": "HEAD",
      "Columns": 720,
      "EchoNumbers": 1,
      "EchoTime": 60.0,
      "EchoTrainLength": 88,
      "FlipAngle": 90.0,
      "HighBit": 15,
      "ImageOrientationPatient": [0.99963950568618, -0.0225052582586, -0.0146414487737, 0.02373239707669, 0.99566935899561, 0.08988493136373],
      "ImagePositionPatient": [-955.66798701535, -903.76128835714, -127.71724142287],
      "ImageType": [
        "ORIGINAL",
        "PRIMARY",
        "M",
        "ND",
        "NORM",
        "MOSAIC"
],
      "ImagedNucleus": "1H",
      "ImagingFrequency": 123.246987,
      "InPlanePhaseEncodingDirection": "COL",
      "LargestImagePixelValue": 65535,
      "MRAcquisitionType": "2D",
      "MagneticFieldStrength": 3.0,
      "Manufacturer": "SIEMENS",
      "ManufacturerModelName": "Prisma_fit",
      "Modality": "MR",
      "NumberOfAverages": 1.0,
      "NumberOfPhaseEncodingSteps": 88,
      "PercentPhaseFieldOfView": 97.777777777778,
      "PercentSampling": 100.0,
      "PerformedProcedureStepStartTime": "113633.135000",
      "PhotometricInterpretation": "MONOCHROME2",
      "PixelBandwidth": 2220.0,
      "PixelRepresentation": 0,
      "PixelSpacing": [2.5999999046326, 2.5999999046326],
      "ProtocolName": "SpinEchoFieldMap_PA_2p6mm_56sl",
      "RepetitionTime": 5700.0,
      "Rows": 704,
      "SAR": 0.15175193566371,
      "SamplesPerPixel": 1,
      "ScanOptions": "FS",
      "ScanningSequence": "EP",
      "SequenceName": "epse2d1_88",
      "SequenceVariant": "SK",
      "SeriesDescription": "SpinEchoFieldMap_PA_2p6mm_56sl",
      "SeriesNumber": 10,
      "SeriesTime": "113945.484000",
      "SliceLocation": -57.66580632489,
      "SliceThickness": 2.5999999046326,
      "SmallestImagePixelValue": 0,
      "SoftwareVersions": "syngo MR E11",
      "SpacingBetweenSlices": 2.6000000306322,
      "SpecificCharacterSet": "ISO_IR 100",
      "StudyID": "1",
      "StudyTime": "113633.062000",
      "TransmitCoilName": "Body",
      "VariableFlipAngleFlag": "N",
      "WindowCenterWidthExplanation": "Algo1",
      "dBdt": 0.0},
    "slices": {}
  },
  "time": {
    "samples": {
      "AcquisitionNumber": [1, 2, 3],
      "AcquisitionTime": ["113942.127500", "113947.827500", "113953.527500"],
      "ContentTime": ["113945.486000", "113950.987000", "113956.535000"],
      "InstanceCreationTime": ["113945.486000", "113950.987000", "113956.535000"],
      "InstanceNumber": [1, 2, 3],
      "WindowCenter": [11264.0, 11287.0, 11275.0],
      "WindowWidth": [24767.0, 24834.0, 24790.0]
    },
    "slices": {}
  }
}