{
    "Modality": "MR",
    "MagneticFieldStrength": 3,
    "ImagingFrequency": 123.246974,
    "Manufacturer": "Siemens",
    "ManufacturersModelName": "Prisma_fit",
    "InstitutionName": "Washington University",
    "InstitutionalDepartmentName": "Department",
    "InstitutionAddress": "Scott Ave 4525,St. Louis,MO,US,63110",
    "DeviceSerialNumber": "67064",
    "StationName": "MRC35177",
    "BodyPartExamined": "HEAD",
    "PatientPosition": "HFS",
    "ProcedureStepDescription": "head^Dosenbach",
    "SoftwareVersions": "syngo MR E11",
    "MRAcquisitionType": "2D",
    "SeriesDescription": "SpinEchoFieldMap_AP_2p6mm_56sl",
    "ProtocolName": "SpinEchoFieldMap_AP_2p6mm_56sl",
    "ScanningSequence": "EP",
    "SequenceVariant": "SK",
    "ScanOptions": "FS",
    "SequenceName": "epse2d1_90",
    "ImageType": [
        "ORIGINAL",
        "PRIMARY",
        "M",
        "ND",
        "MOSAIC"
    ],
    "NonlinearGradientCorrection": false,
    "SeriesNumber": 7,
    "AcquisitionTime": "21:17:19.217500",
    "AcquisitionNumber": 1,
    "SliceThickness": 2.6,
    "SpacingBetweenSlices": 2.6,
    "SAR": 0.127511,
    "EchoTime": 0.06,
    "RepetitionTime": 5.7,
    "FlipAngle": 90,
    "PartialFourier": 1,
    "BaseResolution": 90,
    "ShimSetting": [
        -2012,
        -11443,
        5854,
        479,
        -23,
        79,
        -60,
        -60
    ],
    "TxRefAmp": 218.315,
    "PhaseResolution": 1,
    "VendorReportedEchoSpacing": 0.00059,
    "ReceiveCoilName": "HeadNeck_64",
    "ReceiveCoilActiveElements": "HC1-7",
    "PulseSequenceDetails": "%CustomerSeq%\\cmrr_mbep2d_se",
    "WipMemBlock": "fc7ca015-ac36-4f00-ae51-f5514dbab9cd||Sequence: ve11c/master r/ab69a6c; Apr 19 2017 10:08:21 by eja",
    "CoilCombinationMethod": "Sum of Squares",
    "ConsistencyInfo": "N4_VE11C_LATEST_20160120",
    "MatrixCoilMode": "SENSE",
    "PercentPhaseFOV": 100,
    "PercentSampling": 100,
    "EchoTrainLength": 90,
    "PhaseEncodingSteps": 90,
    "AcquisitionMatrixPE": 90,
    "ReconMatrixPE": 90,
    "BandwidthPerPixelPhaseEncode": 18.832,
    "EffectiveEchoSpacing": 0.000590012,
    "DerivedVendorReportedEchoSpacing": 0.000590012,
    "TotalReadoutTime": 0.0525111,
    "PixelBandwidth": 2220,
    "DwellTime": 2.5e-06,
    "PhaseEncodingDirection": "j-",
    "SliceTiming": [
        2.84,
        0,
        2.94,
        0.1,
        3.0425,
        0.2025,
        3.1425,
        0.3025,
        3.245,
        0.405,
        3.345,
        0.5075,
        3.4475,
        0.6075,
        3.55,
        0.71,
        3.65,
        0.81,
        3.7525,
        0.9125,
        3.8525,
        1.0125,
        3.955,
        1.115,
        4.055,
        1.215,
        4.1575,
        1.3175,
        4.26,
        1.42,
        4.36,
        1.52,
        4.4625,
        1.6225,
        4.5625,
        1.7225,
        4.665,
        1.825,
        4.765,
        1.925,
        4.8675,
        2.0275,
        4.9675,
        2.13,
        5.07,
        2.23,
        5.1725,
        2.3325,
        5.2725,
        2.4325,
        5.375,
        2.535,
        5.475,
        2.635,
        5.5775,
        2.7375
    ],
    "ImageOrientationPatientDICOM": [
        0.998326,
        0.0429702,
        0.0387025,
        -0.0404459,
        0.997143,
        -0.063799
    ],
    "ImageOrientationText": "Tra>Cor(-3.6)>Sag(2.4)",
    "InPlanePhaseEncodingDirectionDICOM": "COL",
    "ConversionSoftware": "dcm2niix",
    "ConversionSoftwareVersion": "v1.0.20230411",
    "Dcm2bidsVersion": "2.1.6"
}