{
    "Modality": "MR",
    "MagneticFieldStrength": 3,
    "ImagingFrequency": 123.247122,
    "Manufacturer": "Siemens",
    "ManufacturersModelName": "Prisma_fit",
    "InstitutionName": "Washington University",
    "InstitutionalDepartmentName": "Department",
    "InstitutionAddress": "Scott Ave 4525,St. Louis,MO,US,63110",
    "DeviceSerialNumber": "67064",
    "StationName": "MRC35177",
    "BodyPartExamined": "HEAD",
    "PatientPosition": "HFS",
    "ProcedureStepDescription": "head^Dosenbach",
    "SoftwareVersions": "syngo MR E11",
    "MRAcquisitionType": "2D",
    "SeriesDescription": "Arm_Localizer_Task_fMRI_AP_2p6mm_MB4_tr1100_te33_56sl_fa63",
    "ProtocolName": "Arm_Localizer_Task_fMRI_AP_2p6mm_MB4_tr1100_te33_56sl_fa63",
    "ScanningSequence": "EP",
    "SequenceVariant": "SK\\SS",
    "ScanOptions": "FS",
    "SequenceName": "epfid2d1_88",
    "ImageType": [
        "ORIGINAL",
        "PRIMARY",
        "M",
        "MB",
        "ND",
        "NORM",
        "MOSAIC"
    ],
    "NonlinearGradientCorrection": false,
    "SeriesNumber": 14,
    "AcquisitionTime": "22:02:52.590000",
    "AcquisitionNumber": 1,
    "ImageComments": "Unaliased MB4/PE3/LB",
    "SliceThickness": 2.6,
    "SpacingBetweenSlices": 2.6,
    "SAR": 0.0613781,
    "EchoTime": 0.033,
    "RepetitionTime": 1.1,
    "FlipAngle": 63,
    "PartialFourier": 1,
    "BaseResolution": 90,
    "ShimSetting": [
        -1996,
        -11496,
        5743,
        424,
        24,
        91,
        -97,
        -56
    ],
    "TxRefAmp": 227.233,
    "PhaseResolution": 1,
    "VendorReportedEchoSpacing": 0.00059,
    "ReceiveCoilName": "HeadNeck_64",
    "ReceiveCoilActiveElements": "HC1-7",
    "PulseSequenceDetails": "%CustomerSeq%\\cmrr_mbep2d_bold",
    "WipMemBlock": "2e0d04e8-dd2d-4fd8-8a4f-9d8b42bf84bb||Sequence: ve11c/master r/ab69a6c; Apr 19 2017 09:47:47 by eja",
    "CoilCombinationMethod": "Sum of Squares",
    "ConsistencyInfo": "N4_VE11C_LATEST_20160120",
    "MatrixCoilMode": "SENSE",
    "MultibandAccelerationFactor": 4,
    "PercentPhaseFOV": 97.7778,
    "PercentSampling": 100,
    "EchoTrainLength": 88,
    "PhaseEncodingSteps": 88,
    "AcquisitionMatrixPE": 88,
    "ReconMatrixPE": 88,
    "BandwidthPerPixelPhaseEncode": 19.26,
    "EffectiveEchoSpacing": 0.000590012,
    "DerivedVendorReportedEchoSpacing": 0.000590012,
    "TotalReadoutTime": 0.0513311,
    "PixelBandwidth": 2220,
    "DwellTime": 2.5e-06,
    "PhaseEncodingDirection": "j-",
    "SliceTiming": [
        0,
        0.2325,
        0.4625,
        0.695,
        0.925,
        0.0775,
        0.31,
        0.54,
        0.7725,
        1.0025,
        0.155,
        0.385,
        0.6175,
        0.8475,
        0,
        0.2325,
        0.4625,
        0.695,
        0.925,
        0.0775,
        0.31,
        0.54,
        0.7725,
        1.0025,
        0.155,
        0.385,
        0.6175,
        0.8475,
        0,
        0.2325,
        0.4625,
        0.695,
        0.925,
        0.0775,
        0.31,
        0.54,
        0.7725,
        1.0025,
        0.155,
        0.385,
        0.6175,
        0.8475,
        0,
        0.2325,
        0.4625,
        0.695,
        0.925,
        0.0775,
        0.31,
        0.54,
        0.7725,
        1.0025,
        0.155,
        0.385,
        0.6175,
        0.8475
    ],
    "ImageOrientationPatientDICOM": [
        0.995061,
        0.0423269,
        0.0897846,
        -0.0465778,
        0.997865,
        0.0457906
    ],
    "ImageOrientationText": "Tra>Sag(5.0)>Cor(2.9)",
    "InPlanePhaseEncodingDirectionDICOM": "COL",
    "ConversionSoftware": "dcm2niix",
    "ConversionSoftwareVersion": "v1.0.20230411",
    "Dcm2bidsVersion": "2.1.6",
    "TaskName": "armloc"
}