{
    "Modality": "MR",
    "MagneticFieldStrength": 3,
    "ImagingFrequency": 123.247079,
    "Manufacturer": "Siemens",
    "ManufacturersModelName": "Prisma_fit",
    "InstitutionName": "Washington University",
    "InstitutionalDepartmentName": "Department",
    "InstitutionAddress": "Scott Ave 4525,St. Louis,MO,US,63110",
    "DeviceSerialNumber": "67064",
    "StationName": "MRC35177",
    "BodyPartExamined": "HEAD",
    "PatientPosition": "HFS",
    "ProcedureStepDescription": "head^Dosenbach",
    "SoftwareVersions": "syngo MR E11",
    "MRAcquisitionType": "2D",
    "SeriesDescription": "REST_fMRI_AP_2p6mm_MB4_tr1100_te33",
    "ProtocolName": "REST_fMRI_AP_2p6mm_MB4_tr1100_te33",
    "ScanningSequence": "EP",
    "SequenceVariant": "SK\\SS",
    "ScanOptions": "FS",
    "SequenceName": "epfid2d1_90",
    "ImageType": [
        "ORIGINAL",
        "PRIMARY",
        "M",
        "MB",
        "ND",
        "NORM",
        "MOSAIC"
    ],
    "NonlinearGradientCorrection": false,
    "SeriesNumber": 12,
    "AcquisitionTime": "21:17:7.480000",
    "AcquisitionNumber": 1,
    "ImageComments": "Unaliased MB4/PE3/LB",
    "SliceThickness": 2.6,
    "SpacingBetweenSlices": 2.6,
    "SAR": 0.0936772,
    "EchoTime": 0.033,
    "RepetitionTime": 1.1,
    "FlipAngle": 84,
    "PartialFourier": 1,
    "BaseResolution": 90,
    "ShimSetting": [
        -2006,
        -11461,
        5752,
        418,
        7,
        90,
        -52,
        -45
    ],
    "TxRefAmp": 220.854,
    "PhaseResolution": 1,
    "VendorReportedEchoSpacing": 0.00059,
    "ReceiveCoilName": "HeadNeck_64",
    "ReceiveCoilActiveElements": "HC1-7",
    "PulseSequenceDetails": "%CustomerSeq%\\cmrr_mbep2d_bold",
    "WipMemBlock": "0e300683-8600-4dc7-8b3d-bb84c74b7fb5||Sequence: ve11c/master r/ab69a6c; Apr 19 2017 09:47:47 by eja",
    "CoilCombinationMethod": "Sum of Squares",
    "ConsistencyInfo": "N4_VE11C_LATEST_20160120",
    "MatrixCoilMode": "SENSE",
    "MultibandAccelerationFactor": 4,
    "PercentPhaseFOV": 100,
    "PercentSampling": 100,
    "EchoTrainLength": 90,
    "PhaseEncodingSteps": 90,
    "AcquisitionMatrixPE": 90,
    "ReconMatrixPE": 90,
    "BandwidthPerPixelPhaseEncode": 18.832,
    "EffectiveEchoSpacing": 0.000590012,
    "DerivedVendorReportedEchoSpacing": 0.000590012,
    "TotalReadoutTime": 0.0525111,
    "PixelBandwidth": 2220,
    "DwellTime": 2.5e-06,
    "PhaseEncodingDirection": "j-",
    "SliceTiming": [
        0,
        0.2325,
        0.4625,
        0.695,
        0.9275,
        0.0775,
        0.31,
        0.54,
        0.7725,
        1.0025,
        0.155,
        0.3875,
        0.6175,
        0.85,
        0,
        0.2325,
        0.4625,
        0.695,
        0.9275,
        0.0775,
        0.31,
        0.54,
        0.7725,
        1.0025,
        0.155,
        0.3875,
        0.6175,
        0.85,
        0,
        0.2325,
        0.4625,
        0.695,
        0.9275,
        0.0775,
        0.31,
        0.54,
        0.7725,
        1.0025,
        0.155,
        0.3875,
        0.6175,
        0.85,
        0,
        0.2325,
        0.4625,
        0.695,
        0.9275,
        0.0775,
        0.31,
        0.54,
        0.7725,
        1.0025,
        0.155,
        0.3875,
        0.6175,
        0.85
    ],
    "ImageOrientationPatientDICOM": [
        0.998388,
        0.0407855,
        0.0394729,
        -0.0420194,
        0.998637,
        0.030953
    ],
    "ImageOrientationText": "Tra>Sag(2.2)>Cor(1.9)",
    "InPlanePhaseEncodingDirectionDICOM": "COL",
    "ConversionSoftware": "dcm2niix",
    "ConversionSoftwareVersion": "v1.0.20230411",
    "Dcm2bidsVersion": "2.1.6",
    "TaskName": "rest"
}