{
    "Modality": "MR",
    "MagneticFieldStrength": 3,
    "ImagingFrequency": 123.246945,
    "Manufacturer": "Siemens",
    "ManufacturersModelName": "Prisma_fit",
    "InstitutionName": "Washington University",
    "InstitutionalDepartmentName": "Department",
    "InstitutionAddress": "Scott Ave 4525,St. Louis,MO,US,63110",
    "DeviceSerialNumber": "67064",
    "StationName": "MRC35177",
    "BodyPartExamined": "HEAD",
    "PatientPosition": "HFS",
    "ProcedureStepDescription": "head^Dosenbach",
    "SoftwareVersions": "syngo MR E11",
    "MRAcquisitionType": "2D",
    "SeriesDescription": "Imagined_Motor_Task_fMRI_AP_2p6mm_MB4_tr1100_te33_56sl_fa63",
    "ProtocolName": "Imagined_Motor_Task_fMRI_AP_2p6mm_MB4_tr1100_te33_56sl_fa63",
    "ScanningSequence": "EP",
    "SequenceVariant": "SK\\SS",
    "ScanOptions": "FS",
    "SequenceName": "epfid2d1_88",
    "ImageType": [
        "ORIGINAL",
        "PRIMARY",
        "M",
        "MB",
        "ND",
        "NORM",
        "MOSAIC"
    ],
    "NonlinearGradientCorrection": false,
    "SeriesNumber": 14,
    "AcquisitionTime": "13:31:59.885000",
    "AcquisitionNumber": 1,
    "ImageComments": "Unaliased MB4/PE3/LB",
    "SliceThickness": 2.6,
    "SpacingBetweenSlices": 2.6,
    "SAR": 0.0671955,
    "EchoTime": 0.033,
    "RepetitionTime": 1.1,
    "FlipAngle": 63,
    "PartialFourier": 1,
    "BaseResolution": 90,
    "ShimSetting": [
        -2010,
        -11472,
        5860,
        502,
        10,
        -2,
        12,
        -16
    ],
    "TxRefAmp": 245.665,
    "PhaseResolution": 1,
    "VendorReportedEchoSpacing": 0.00059,
    "ReceiveCoilName": "HeadNeck_64",
    "ReceiveCoilActiveElements": "HC1-7",
    "PulseSequenceDetails": "%CustomerSeq%\\cmrr_mbep2d_bold",
    "WipMemBlock": "8294d7d7-b7de-494f-834f-298239a08612||Sequence: R016 ve11c/master r/e634e98; Dec 19 2017 11:00:25 by eja",
    "CoilCombinationMethod": "Sum of Squares",
    "ConsistencyInfo": "N4_VE11C_LATEST_20160120",
    "MatrixCoilMode": "SENSE",
    "MultibandAccelerationFactor": 4,
    "PercentPhaseFOV": 97.7778,
    "PercentSampling": 100,
    "EchoTrainLength": 88,
    "PhaseEncodingSteps": 88,
    "AcquisitionMatrixPE": 88,
    "ReconMatrixPE": 88,
    "BandwidthPerPixelPhaseEncode": 19.26,
    "EffectiveEchoSpacing": 0.000590012,
    "DerivedVendorReportedEchoSpacing": 0.000590012,
    "TotalReadoutTime": 0.0513311,
    "PixelBandwidth": 2220,
    "DwellTime": 2.5e-06,
    "PhaseEncodingDirection": "j-",
    "SliceTiming": [
        0,
        0.23,
        0.4625,
        0.6925,
        0.925,
        0.075,
        0.3075,
        0.54,
        0.77,
        1.0025,
        0.1525,
        0.385,
        0.615,
        0.8475,
        0,
        0.23,
        0.4625,
        0.6925,
        0.925,
        0.075,
        0.3075,
        0.54,
        0.77,
        1.0025,
        0.1525,
        0.385,
        0.615,
        0.8475,
        0,
        0.23,
        0.4625,
        0.6925,
        0.925,
        0.075,
        0.3075,
        0.54,
        0.77,
        1.0025,
        0.1525,
        0.385,
        0.615,
        0.8475,
        0,
        0.23,
        0.4625,
        0.6925,
        0.925,
        0.075,
        0.3075,
        0.54,
        0.77,
        1.0025,
        0.1525,
        0.385,
        0.615,
        0.8475
    ],
    "ImageOrientationPatientDICOM": [
        0.999313,
        0.0354126,
        -0.0109346,
        -0.0364685,
        0.992134,
        -0.119748
    ],
    "ImageOrientationText": "Tra>Cor(-6.9)>Sag(-0.4)",
    "InPlanePhaseEncodingDirectionDICOM": "COL",
    "ConversionSoftware": "dcm2niix",
    "ConversionSoftwareVersion": "v1.0.20230411",
    "Dcm2bidsVersion": "2.1.6",
    "TaskName": "imotor"
}