{
    "Modality": "MR",
    "MagneticFieldStrength": 3,
    "ImagingFrequency": 123.246965,
    "Manufacturer": "Siemens",
    "ManufacturersModelName": "Prisma_fit",
    "InstitutionName": "Washington University",
    "InstitutionalDepartmentName": "Department",
    "InstitutionAddress": "Scott Ave 4525,St. Louis,MO,US,63110",
    "DeviceSerialNumber": "67064",
    "StationName": "MRC35177",
    "BodyPartExamined": "HEAD",
    "PatientPosition": "HFS",
    "ProcedureStepDescription": "head^Dosenbach",
    "SoftwareVersions": "syngo MR E11",
    "MRAcquisitionType": "2D",
    "SeriesDescription": "Arm_Localizer_Task2_fMRI_AP_2p6mm_MB4_tr1100_te33_56sl_fa6_SBRef",
    "ProtocolName": "Arm_Localizer_Task2_fMRI_AP_2p6mm_MB4_tr1100_te33_56sl_fa63",
    "ScanningSequence": "EP",
    "SequenceVariant": "SK\\SS",
    "ScanOptions": "FS",
    "SequenceName": "epfid2d1_88",
    "ImageType": [
        "ORIGINAL",
        "PRIMARY",
        "M",
        "ND",
        "NORM",
        "MOSAIC"
    ],
    "NonlinearGradientCorrection": false,
    "SeriesNumber": 15,
    "AcquisitionTime": "17:27:34.387500",
    "AcquisitionNumber": 1,
    "ImageComments": "Single-band reference",
    "SliceThickness": 2.6,
    "SpacingBetweenSlices": 2.6,
    "SAR": 0.0645108,
    "EchoTime": 0.033,
    "RepetitionTime": 1.1,
    "FlipAngle": 63,
    "PartialFourier": 1,
    "BaseResolution": 90,
    "ShimSetting": [
        -2014,
        -11476,
        5871,
        533,
        46,
        65,
        103,
        -56
    ],
    "TxRefAmp": 252.141,
    "PhaseResolution": 1,
    "VendorReportedEchoSpacing": 0.00059,
    "ReceiveCoilName": "HeadNeck_64",
    "ReceiveCoilActiveElements": "HC1-7",
    "PulseSequenceDetails": "%CustomerSeq%\\cmrr_mbep2d_bold",
    "WipMemBlock": "ca182e1f-5be3-4d15-a989-d67ab214ae6a||Sequence: ve11c/master r/ab69a6c; Apr 19 2017 09:47:47 by eja",
    "CoilCombinationMethod": "Sum of Squares",
    "ConsistencyInfo": "N4_VE11C_LATEST_20160120",
    "MatrixCoilMode": "SENSE",
    "PercentPhaseFOV": 97.7778,
    "PercentSampling": 100,
    "EchoTrainLength": 88,
    "PhaseEncodingSteps": 88,
    "AcquisitionMatrixPE": 88,
    "ReconMatrixPE": 88,
    "BandwidthPerPixelPhaseEncode": 19.26,
    "EffectiveEchoSpacing": 0.000590012,
    "DerivedVendorReportedEchoSpacing": 0.000590012,
    "TotalReadoutTime": 0.0513311,
    "PixelBandwidth": 2220,
    "DwellTime": 2.5e-06,
    "PhaseEncodingDirection": "j-",
    "SliceTiming": [
        0,
        0.0775,
        0.1525,
        0.23,
        0.3075,
        0.385,
        0.4625,
        0.54,
        0.6175,
        0.6925,
        0.77,
        0.8475,
        0.925,
        1.0025,
        1.08,
        1.1575,
        1.2325,
        1.31,
        1.3875,
        1.465,
        1.5425,
        1.62,
        1.6975,
        1.7725,
        1.85,
        1.9275,
        2.005,
        2.0825,
        2.16,
        2.2375,
        2.3125,
        2.39,
        2.4675,
        2.545,
        2.6225,
        2.7,
        2.7775,
        2.8525,
        2.93,
        3.0075,
        3.085,
        3.1625,
        3.24,
        3.3175,
        3.3925,
        3.47,
        3.5475,
        3.625,
        3.7025,
        3.78,
        3.8575,
        3.9325,
        4.01,
        4.0875,
        4.165,
        4.2425
    ],
    "ImageOrientationPatientDICOM": [
        0.990756,
        0.11166,
        -0.0770342,
        -0.108855,
        0.993264,
        0.039708
    ],
    "ImageOrientationText": "Tra>Sag(-4.6)>Cor(1.8)",
    "InPlanePhaseEncodingDirectionDICOM": "COL",
    "ConversionSoftware": "dcm2niix",
    "ConversionSoftwareVersion": "v1.0.20230411",
    "Dcm2bidsVersion": "2.1.6",
    "TaskName": "armloc2"
}