{
    "Modality": "MR",
    "MagneticFieldStrength": 3,
    "ImagingFrequency": 123.247175,
    "Manufacturer": "Siemens",
    "ManufacturersModelName": "Prisma_fit",
    "InstitutionName": "Washington University",
    "InstitutionalDepartmentName": "Department",
    "InstitutionAddress": "Scott Ave 4525,St. Louis,MO,US,63110",
    "DeviceSerialNumber": "67064",
    "StationName": "MRC35177",
    "BodyPartExamined": "HEAD",
    "PatientPosition": "HFS",
    "ProcedureStepDescription": "head^Dosenbach",
    "SoftwareVersions": "syngo MR E11",
    "MRAcquisitionType": "2D",
    "SeriesDescription": "SpinEchoFieldMap_PA_2p6mm_56sl",
    "ProtocolName": "SpinEchoFieldMap_PA_2p6mm_56sl",
    "ScanningSequence": "EP",
    "SequenceVariant": "SK",
    "ScanOptions": "FS",
    "SequenceName": "epse2d1_88",
    "ImageType": [
        "ORIGINAL",
        "PRIMARY",
        "M",
        "ND",
        "NORM",
        "MOSAIC"
    ],
    "NonlinearGradientCorrection": false,
    "SeriesNumber": 10,
    "AcquisitionTime": "21:20:21.117500",
    "AcquisitionNumber": 1,
    "SliceThickness": 2.6,
    "SpacingBetweenSlices": 2.6,
    "SAR": 0.128032,
    "EchoTime": 0.06,
    "RepetitionTime": 5.7,
    "FlipAngle": 90,
    "PartialFourier": 1,
    "BaseResolution": 90,
    "ShimSetting": [
        -2009,
        -11438,
        5710,
        359,
        9,
        129,
        -29,
        -47
    ],
    "TxRefAmp": 217.99,
    "PhaseResolution": 1,
    "VendorReportedEchoSpacing": 0.00059,
    "ReceiveCoilName": "HeadNeck_64",
    "ReceiveCoilActiveElements": "HC1-7",
    "PulseSequenceDetails": "%CustomerSeq%\\cmrr_mbep2d_se",
    "WipMemBlock": "5dccf927-2f93-4b3c-a7c7-a8097217f940||Sequence: ve11c/master r/ab69a6c; Apr 19 2017 10:08:21 by eja",
    "CoilCombinationMethod": "Sum of Squares",
    "ConsistencyInfo": "N4_VE11C_LATEST_20160120",
    "MatrixCoilMode": "SENSE",
    "PercentPhaseFOV": 97.7778,
    "PercentSampling": 100,
    "EchoTrainLength": 88,
    "PhaseEncodingSteps": 88,
    "AcquisitionMatrixPE": 88,
    "ReconMatrixPE": 88,
    "BandwidthPerPixelPhaseEncode": 19.26,
    "EffectiveEchoSpacing": 0.000590012,
    "DerivedVendorReportedEchoSpacing": 0.000590012,
    "TotalReadoutTime": 0.0513311,
    "PixelBandwidth": 2220,
    "DwellTime": 2.5e-06,
    "PhaseEncodingDirection": "j",
    "SliceTiming": [
        2.84,
        0,
        2.9425,
        0.1025,
        3.0425,
        0.2025,
        3.145,
        0.305,
        3.245,
        0.405,
        3.3475,
        0.5075,
        3.4475,
        0.6075,
        3.55,
        0.71,
        3.65,
        0.8125,
        3.7525,
        0.9125,
        3.855,
        1.015,
        3.955,
        1.115,
        4.0575,
        1.2175,
        4.1575,
        1.3175,
        4.26,
        1.42,
        4.36,
        1.5225,
        4.4625,
        1.6225,
        4.565,
        1.725,
        4.665,
        1.825,
        4.7675,
        1.9275,
        4.8675,
        2.0275,
        4.97,
        2.13,
        5.07,
        2.2325,
        5.1725,
        2.3325,
        5.275,
        2.435,
        5.375,
        2.535,
        5.4775,
        2.6375,
        5.5775,
        2.7375
    ],
    "ImageOrientationPatientDICOM": [
        0.998673,
        0.0239695,
        0.04558,
        -0.0247559,
        0.999553,
        0.0167671
    ],
    "ImageOrientationText": "Tra>Sag(2.6)>Cor(1.0)",
    "InPlanePhaseEncodingDirectionDICOM": "COL",
    "ConversionSoftware": "dcm2niix",
    "ConversionSoftwareVersion": "v1.0.20230411",
    "Dcm2bidsVersion": "2.1.6"
}