{
    "Modality": "MR",
    "MagneticFieldStrength": 3,
    "ImagingFrequency": 123.247004,
    "Manufacturer": "Siemens",
    "ManufacturersModelName": "Prisma_fit",
    "InstitutionName": "Washington University",
    "InstitutionalDepartmentName": "Department",
    "InstitutionAddress": "Scott Ave 4525,St. Louis,MO,US,63110",
    "DeviceSerialNumber": "67064",
    "StationName": "MRC35177",
    "BodyPartExamined": "HEAD",
    "PatientPosition": "HFS",
    "ProcedureStepDescription": "head^Dosenbach",
    "SoftwareVersions": "syngo MR E11",
    "MRAcquisitionType": "2D",
    "SeriesDescription": "REST_fMRI_AP_2p6mm_MB4_tr1100_te33",
    "ProtocolName": "REST_fMRI_AP_2p6mm_MB4_tr1100_te33",
    "ScanningSequence": "EP",
    "SequenceVariant": "SK\\SS",
    "ScanOptions": "FS",
    "SequenceName": "epfid2d1_90",
    "ImageType": [
        "ORIGINAL",
        "PRIMARY",
        "M",
        "MB",
        "ND",
        "NORM",
        "MOSAIC"
    ],
    "NonlinearGradientCorrection": false,
    "SeriesNumber": 12,
    "AcquisitionTime": "16:45:12.680000",
    "AcquisitionNumber": 1,
    "ImageComments": "Unaliased MB4/PE3/LB",
    "SliceThickness": 2.6,
    "SpacingBetweenSlices": 2.6,
    "SAR": 0.127345,
    "EchoTime": 0.033,
    "RepetitionTime": 1.1,
    "FlipAngle": 84,
    "PartialFourier": 1,
    "BaseResolution": 90,
    "ShimSetting": [
        -2007,
        -11479,
        5867,
        484,
        14,
        -29,
        0,
        -29
    ],
    "TxRefAmp": 243.311,
    "PhaseResolution": 1,
    "VendorReportedEchoSpacing": 0.00059,
    "ReceiveCoilName": "HeadNeck_64",
    "ReceiveCoilActiveElements": "HC1-7",
    "PulseSequenceDetails": "%CustomerSeq%\\cmrr_mbep2d_bold",
    "WipMemBlock": "0055a806-6160-4c92-a3b7-0a81d217dca6||Sequence: R016 ve11c/master r/e634e98; Dec 19 2017 11:00:25 by eja",
    "CoilCombinationMethod": "Sum of Squares",
    "ConsistencyInfo": "N4_VE11C_LATEST_20160120",
    "MatrixCoilMode": "SENSE",
    "MultibandAccelerationFactor": 4,
    "PercentPhaseFOV": 100,
    "PercentSampling": 100,
    "EchoTrainLength": 90,
    "PhaseEncodingSteps": 90,
    "AcquisitionMatrixPE": 90,
    "ReconMatrixPE": 90,
    "BandwidthPerPixelPhaseEncode": 18.832,
    "EffectiveEchoSpacing": 0.000590012,
    "DerivedVendorReportedEchoSpacing": 0.000590012,
    "TotalReadoutTime": 0.0525111,
    "PixelBandwidth": 2220,
    "DwellTime": 2.5e-06,
    "PhaseEncodingDirection": "j-",
    "SliceTiming": [
        0,
        0.23,
        0.4625,
        0.6925,
        0.925,
        0.0775,
        0.3075,
        0.54,
        0.77,
        1.0025,
        0.1525,
        0.385,
        0.6175,
        0.8475,
        0,
        0.23,
        0.4625,
        0.6925,
        0.925,
        0.0775,
        0.3075,
        0.54,
        0.77,
        1.0025,
        0.1525,
        0.385,
        0.6175,
        0.8475,
        0,
        0.23,
        0.4625,
        0.6925,
        0.925,
        0.0775,
        0.3075,
        0.54,
        0.77,
        1.0025,
        0.1525,
        0.385,
        0.6175,
        0.8475,
        0,
        0.23,
        0.4625,
        0.6925,
        0.925,
        0.0775,
        0.3075,
        0.54,
        0.77,
        1.0025,
        0.1525,
        0.385,
        0.6175,
        0.8475
    ],
    "ImageOrientationPatientDICOM": [
        0.999068,
        -0.0425524,
        -0.00721317,
        0.0411748,
        0.989819,
        -0.13625
    ],
    "ImageOrientationText": "Tra>Cor(-7.8)>Sag(-0.7)",
    "InPlanePhaseEncodingDirectionDICOM": "COL",
    "ConversionSoftware": "dcm2niix",
    "ConversionSoftwareVersion": "v1.0.20230411",
    "Dcm2bidsVersion": "2.1.6",
    "TaskName": "rest"
}