{
    "Modality": "MR",
    "MagneticFieldStrength": 3,
    "ImagingFrequency": 123.247188,
    "Manufacturer": "Siemens",
    "ManufacturersModelName": "Prisma_fit",
    "InstitutionName": "Washington University",
    "InstitutionalDepartmentName": "Department",
    "InstitutionAddress": "Scott Ave 4525,St. Louis,MO,US,63110",
    "DeviceSerialNumber": "67064",
    "StationName": "MRC35177",
    "BodyPartExamined": "HEAD",
    "PatientPosition": "HFS",
    "ProcedureStepDescription": "head^Dosenbach",
    "SoftwareVersions": "syngo MR E11",
    "MRAcquisitionType": "2D",
    "SeriesDescription": "NAMWORDS_Round1_fMRI_AP_2p0mm_MB8_tr800_te37",
    "ProtocolName": "NAMWORDS_Round1_fMRI_AP_2p0mm_MB8_tr800_te37",
    "ScanningSequence": "EP",
    "SequenceVariant": "SK\\SS",
    "ScanOptions": "FS",
    "SequenceName": "epfid2d1_104",
    "ImageType": [
        "ORIGINAL",
        "PRIMARY",
        "M",
        "MB",
        "ND",
        "MOSAIC"
    ],
    "NonlinearGradientCorrection": false,
    "SeriesNumber": 24,
    "AcquisitionTime": "22:07:2.132500",
    "AcquisitionNumber": 1,
    "ImageComments": "Unaliased MB8/PE3",
    "SliceThickness": 2,
    "SpacingBetweenSlices": 2,
    "SAR": 0.017001,
    "EchoTime": 0.037,
    "RepetitionTime": 3.07,
    "FlipAngle": 90,
    "PartialFourier": 1,
    "BaseResolution": 104,
    "ShimSetting": [
        -2005,
        -11430,
        5734,
        431,
        -20,
        176,
        -54,
        -27
    ],
    "DelayTime": 2.3,
    "TxRefAmp": 222.67,
    "PhaseResolution": 1,
    "ReceiveCoilName": "HeadNeck_64",
    "ReceiveCoilActiveElements": "HC1-7;NC1,2",
    "PulseSequenceDetails": "%CustomerSeq%\\cmrr_mbep2d_bold",
    "WipMemBlock": "47066ec7-4627-471f-bf91-f6983c50a35e||Sequence: ve11c/master r/ab69a6c; Apr 19 2017 09:47:47 by eja",
    "CoilCombinationMethod": "Sum of Squares",
    "ConsistencyInfo": "N4_VE11C_LATEST_20160120",
    "MatrixCoilMode": "SENSE",
    "MultibandAccelerationFactor": 8,
    "PercentPhaseFOV": 100,
    "PercentSampling": 100,
    "EchoTrainLength": 104,
    "PhaseEncodingSteps": 104,
    "AcquisitionMatrixPE": 104,
    "ReconMatrixPE": 104,
    "BandwidthPerPixelPhaseEncode": 16.578,
    "EffectiveEchoSpacing": 0.000580009,
    "DerivedVendorReportedEchoSpacing": 0.000580009,
    "TotalReadoutTime": 0.0597409,
    "PixelBandwidth": 2290,
    "DwellTime": 2.1e-06,
    "PhaseEncodingDirection": "j-",
    "SliceTiming": [
        0,
        0.415,
        0.0825,
        0.5,
        0.165,
        0.5825,
        0.25,
        0.665,
        0.3325,
        0,
        0.415,
        0.0825,
        0.5,
        0.165,
        0.5825,
        0.25,
        0.665,
        0.3325,
        0,
        0.415,
        0.0825,
        0.5,
        0.165,
        0.5825,
        0.25,
        0.665,
        0.3325,
        0,
        0.415,
        0.0825,
        0.5,
        0.165,
        0.5825,
        0.25,
        0.665,
        0.3325,
        0,
        0.415,
        0.0825,
        0.5,
        0.165,
        0.5825,
        0.25,
        0.665,
        0.3325,
        0,
        0.415,
        0.0825,
        0.5,
        0.165,
        0.5825,
        0.25,
        0.665,
        0.3325,
        0,
        0.415,
        0.0825,
        0.5,
        0.165,
        0.5825,
        0.25,
        0.665,
        0.3325,
        0,
        0.415,
        0.0825,
        0.5,
        0.165,
        0.5825,
        0.25,
        0.665,
        0.3325
    ],
    "ImageOrientationPatientDICOM": [
        0.998197,
        -0.0103647,
        0.0591162,
        0.030149,
        0.938276,
        -0.34457
    ],
    "ImageOrientationText": "Tra>Cor(-20.3)>Sag(3.0)",
    "InPlanePhaseEncodingDirectionDICOM": "COL",
    "ConversionSoftware": "dcm2niix",
    "ConversionSoftwareVersion": "v1.0.20230411",
    "Dcm2bidsVersion": "2.1.6",
    "TaskName": "namwords"
}