{
    "Modality": "MR",
    "MagneticFieldStrength": 3,
    "ImagingFrequency": 123.247082,
    "Manufacturer": "Siemens",
    "ManufacturersModelName": "Prisma_fit",
    "InstitutionName": "Washington University",
    "InstitutionalDepartmentName": "Department",
    "InstitutionAddress": "Scott Ave 4525,St. Louis,MO,US,63110",
    "DeviceSerialNumber": "67064",
    "StationName": "MRC35177",
    "BodyPartExamined": "HEAD",
    "PatientPosition": "HFS",
    "ProcedureStepDescription": "head^Dosenbach",
    "SoftwareVersions": "syngo MR E11",
    "MRAcquisitionType": "2D",
    "SeriesDescription": "SpinEchoFieldMap_PA_2p6mm_56sl",
    "ProtocolName": "SpinEchoFieldMap_PA_2p6mm_56sl",
    "ScanningSequence": "EP",
    "SequenceVariant": "SK",
    "ScanOptions": "FS",
    "SequenceName": "epse2d1_88",
    "ImageType": [
        "ORIGINAL",
        "PRIMARY",
        "M",
        "ND",
        "NORM",
        "MOSAIC"
    ],
    "NonlinearGradientCorrection": false,
    "SeriesNumber": 10,
    "AcquisitionTime": "21:13:41.172500",
    "AcquisitionNumber": 1,
    "SliceThickness": 2.6,
    "SpacingBetweenSlices": 2.6,
    "SAR": 0.132883,
    "EchoTime": 0.06,
    "RepetitionTime": 5.7,
    "FlipAngle": 90,
    "PartialFourier": 1,
    "BaseResolution": 90,
    "ShimSetting": [
        -1981,
        -11443,
        5869,
        584,
        37,
        120,
        -110,
        -75
    ],
    "TxRefAmp": 221.209,
    "PhaseResolution": 1,
    "VendorReportedEchoSpacing": 0.00059,
    "ReceiveCoilName": "HeadNeck_64",
    "ReceiveCoilActiveElements": "HC1-7",
    "PulseSequenceDetails": "%CustomerSeq%\\cmrr_mbep2d_se",
    "WipMemBlock": "7511fe3a-de3a-4a24-bd42-b263f6893929||Sequence: ve11c/master r/ab69a6c; Apr 19 2017 10:08:21 by eja",
    "CoilCombinationMethod": "Sum of Squares",
    "ConsistencyInfo": "N4_VE11C_LATEST_20160120",
    "MatrixCoilMode": "SENSE",
    "PercentPhaseFOV": 97.7778,
    "PercentSampling": 100,
    "EchoTrainLength": 88,
    "PhaseEncodingSteps": 88,
    "AcquisitionMatrixPE": 88,
    "ReconMatrixPE": 88,
    "BandwidthPerPixelPhaseEncode": 19.26,
    "EffectiveEchoSpacing": 0.000590012,
    "DerivedVendorReportedEchoSpacing": 0.000590012,
    "TotalReadoutTime": 0.0513311,
    "PixelBandwidth": 2220,
    "DwellTime": 2.5e-06,
    "PhaseEncodingDirection": "j",
    "SliceTiming": [
        2.84,
        0,
        2.9425,
        0.1025,
        3.0425,
        0.205,
        3.145,
        0.305,
        3.2475,
        0.4075,
        3.3475,
        0.5075,
        3.45,
        0.61,
        3.55,
        0.71,
        3.6525,
        0.8125,
        3.7525,
        0.915,
        3.855,
        1.015,
        3.9575,
        1.1175,
        4.0575,
        1.2175,
        4.16,
        1.32,
        4.26,
        1.42,
        4.3625,
        1.5225,
        4.4625,
        1.625,
        4.565,
        1.725,
        4.6675,
        1.8275,
        4.7675,
        1.9275,
        4.87,
        2.03,
        4.97,
        2.13,
        5.0725,
        2.2325,
        5.1725,
        2.335,
        5.275,
        2.435,
        5.3775,
        2.5375,
        5.4775,
        2.6375,
        5.58,
        2.74
    ],
    "ImageOrientationPatientDICOM": [
        0.996041,
        0.0412477,
        0.0787415,
        -0.0441848,
        0.998377,
        0.0359288
    ],
    "ImageOrientationText": "Tra>Sag(4.4)>Cor(2.3)",
    "InPlanePhaseEncodingDirectionDICOM": "COL",
    "ConversionSoftware": "dcm2niix",
    "ConversionSoftwareVersion": "v1.0.20230411",
    "Dcm2bidsVersion": "2.1.6"
}