{
  "AcquisitionMatrixPE": 90,
  "AcquisitionNumber": 1,
  "AcquisitionTime": "18:38:29.147500",
  "BandwidthPerPixelPhaseEncode": 18.832,
  "BaseResolution": 90,
  "BodyPartExamined": "HEAD",
  "CoilCombinationMethod": "Sum of Squares",
  "ConsistencyInfo": "N4_VE11C_LATEST_20160120",
  "ConversionSoftware": "dcm2niix",
  "ConversionSoftwareVersion": "v1.0.20230411",
  "DerivedVendorReportedEchoSpacing": 0.000590012,
  "DeviceSerialNumber": "67064",
  "DwellTime": 2.5e-06,
  "EchoTime": 0.06,
  "EchoTrainLength": 90,
  "EffectiveEchoSpacing": 0.000590012,
  "FlipAngle": 90,
  "HeudiconvVersion": "1.0.0",
  "ImageOrientationPatientDICOM": [0.99968, 0.0104248, -0.0230667, -0.0143081, 0.984431, -0.175188],
  "ImageOrientationText": "Tra>Cor(-10.1)>Sag(-1.2)",
  "ImageType": [
    "ORIGINAL",
    "PRIMARY",
    "M",
    "ND",
    "MOSAIC"
],
  "ImagingFrequency": 123.246765,
  "InPlanePhaseEncodingDirectionDICOM": "COL",
  "InstitutionAddress": "Scott Ave 4525,St. Louis,MO,US,63110",
  "InstitutionName": "Washington University",
  "InstitutionalDepartmentName": "Department",
  "MRAcquisitionType": "2D",
  "MagneticFieldStrength": 3,
  "Manufacturer": "Siemens",
  "ManufacturersModelName": "Prisma_fit",
  "MatrixCoilMode": "SENSE",
  "Modality": "MR",
  "NonlinearGradientCorrection": false,
  "PartialFourier": 1,
  "PatientPosition": "HFS",
  "PercentPhaseFOV": 100,
  "PercentSampling": 100,
  "PhaseEncodingDirection": "j",
  "PhaseEncodingSteps": 90,
  "PhaseResolution": 1,
  "PixelBandwidth": 2220,
  "ProcedureStepDescription": "head^Dosenbach",
  "ProtocolName": "SpinEchoFieldMap_PA_2p6mm_56sl",
  "PulseSequenceDetails": "%CustomerSeq%\\cmrr_mbep2d_se",
  "ReceiveCoilActiveElements": "HC1-7;NC1,2",
  "ReceiveCoilName": "HeadNeck_64",
  "ReconMatrixPE": 90,
  "RepetitionTime": 5.7,
  "SAR": 0.21227,
  "ScanOptions": "FS",
  "ScanningSequence": "EP",
  "SequenceName": "epse2d1_90",
  "SequenceVariant": "SK",
  "SeriesDescription": "SpinEchoFieldMap_PA_2p6mm_56sl",
  "SeriesNumber": 8,
  "ShimSetting": [-1997, -11490, 5877, 503, 16, -61, 20, -28],
  "SliceThickness": 2.6,
  "SliceTiming": [2.84, 0, 2.94, 0.1025, 3.0425, 0.2025, 3.145, 0.305, 3.245, 0.405, 3.3475, 0.5075, 3.4475, 0.6075, 3.55, 0.71, 3.65, 0.8125, 3.7525, 0.9125, 3.855, 1.015, 3.955, 1.115, 4.0575, 1.2175, 4.1575, 1.3175, 4.26, 1.42, 4.36, 1.5225, 4.4625, 1.6225, 4.565, 1.725, 4.665, 1.825, 4.7675, 1.9275, 4.8675, 2.0275, 4.97, 2.13, 5.07, 2.23, 5.1725, 2.3325, 5.275, 2.435, 5.375, 2.535, 5.4775, 2.6375, 5.5775, 2.7375],
  "SoftwareVersions": "syngo MR E11",
  "SpacingBetweenSlices": 2.6,
  "StationName": "MRC35177",
  "TotalReadoutTime": 0.0525111,
  "TxRefAmp": 275.624,
  "VendorReportedEchoSpacing": 0.00059,
  "WipMemBlock": "97233077-6add-4d03-95c7-c58675f7fb5c||Sequence: R016 ve11c/master r/e634e98; Dec 19 2017 11:22:56 by eja",
  "dcmmeta_affine": [
    [-2.5991668701171875, -0.03720103204250336, -0.054291367530822754, 118.60588836669922],
    [-0.027104457840323448, 2.5595204830169678, -0.4562014043331146, -87.17869567871094],
    [-0.059973474591970444, 0.45548921823501587, 2.5590882301330566, -63.46104049682617],
    [0.0, 0.0, 0.0, 1.0]
],
  "dcmmeta_reorient_transform": [
    [0.0, -1.0, 0.0, 89.0],
    [1.0, 0.0, 0.0, 0.0],
    [0.0, 0.0, 1.0, 0.0],
    [0.0, 0.0, 0.0, 1.0]
],
  "dcmmeta_shape": [90, 90, 56, 5],
  "dcmmeta_slice_dim": 2,
  "dcmmeta_version": 0.6,
  "global": {
    "const": {
      "AccessionNumber": ".",
      "AcquisitionMatrix": [90, 0, 0, 90],
      "AngioFlag": "N",
      "BitsAllocated": 16,
      "BitsStored": 16,
      "BodyPartExamined": "HEAD",
      "Columns": 720,
      "EchoNumbers": 1,
      "EchoTime": 60.0,
      "EchoTrainLength": 90,
      "FlipAngle": 90.0,
      "HighBit": 15,
      "ImageOrientationPatient": [0.99967957368476, 0.01042479170045, -0.0230667222522, -0.0143080896723, 0.984430994371, -0.1751881728076],
      "ImagePositionPatient": [-922.31421397629, -955.40548446061, 139.44825450431],
      "ImageType": [
        "ORIGINAL",
        "PRIMARY",
        "M",
        "ND",
        "MOSAIC"
],
      "ImagedNucleus": "1H",
      "ImagingFrequency": 123.246765,
      "InPlanePhaseEncodingDirection": "COL",
      "LargestImagePixelValue": 65535,
      "MRAcquisitionType": "2D",
      "MagneticFieldStrength": 3.0,
      "Manufacturer": "SIEMENS",
      "ManufacturerModelName": "Prisma_fit",
      "Modality": "MR",
      "NumberOfAverages": 1.0,
      "NumberOfPhaseEncodingSteps": 90,
      "PercentPhaseFieldOfView": 100.0,
      "PercentSampling": 100.0,
      "PerformedProcedureStepStartTime": "183451.557000",
      "PhotometricInterpretation": "MONOCHROME2",
      "PixelBandwidth": 2220.0,
      "PixelRepresentation": 0,
      "PixelSpacing": [2.5999999046326, 2.5999999046326],
      "ProtocolName": "SpinEchoFieldMap_PA_2p6mm_56sl",
      "RepetitionTime": 5700.0,
      "Rows": 720,
      "SAR": 0.21226986534549,
      "SamplesPerPixel": 1,
      "ScanOptions": "FS",
      "ScanningSequence": "EP",
      "SequenceName": "epse2d1_90",
      "SequenceVariant": "SK",
      "SeriesDescription": "SpinEchoFieldMap_PA_2p6mm_56sl",
      "SeriesNumber": 8,
      "SeriesTime": "183832.657000",
      "SliceLocation": -49.642551892175,
      "SliceThickness": 2.5999999046326,
      "SmallestImagePixelValue": 0,
      "SoftwareVersions": "syngo MR E11",
      "SpacingBetweenSlices": 2.5999999504756,
      "SpecificCharacterSet": "ISO_IR 100",
      "StudyID": "1",
      "StudyTime": "183451.493000",
      "TransmitCoilName": "Body",
      "VariableFlipAngleFlag": "N",
      "WindowCenterWidthExplanation": "Algo1",
      "dBdt": 0.0},
    "slices": {}
  },
  "time": {
    "samples": {
      "AcquisitionNumber": [1, 2, 3, 4, 5],
      "AcquisitionTime": ["183829.147500", "183834.847500", "183840.547500", "183846.247500", "183851.947500"],
      "ContentTime": ["183832.660000", "183838.155000", "183844.156000", "183849.656000", "183855.086000"],
      "InstanceCreationTime": ["183832.660000", "183838.155000", "183844.156000", "183849.656000", "183855.086000"],
      "InstanceNumber": [1, 2, 3, 4, 5],
      "WindowCenter": [11543.0, 11552.0, 11543.0, 11552.0, 11556.0],
      "WindowWidth": [25704.0, 25750.0, 25712.0, 25748.0, 25765.0]
    },
    "slices": {}
  }
}