{
  "AcquisitionMatrixPE": 90,
  "AcquisitionNumber": 1,
  "AcquisitionTime": "21:14:36.835000",
  "BandwidthPerPixelPhaseEncode": 18.832,
  "BaseResolution": 90,
  "BodyPartExamined": "HEAD",
  "CoilCombinationMethod": "Sum of Squares",
  "ConsistencyInfo": "N4_VE11C_LATEST_20160120",
  "ConversionSoftware": "dcm2niix",
  "ConversionSoftwareVersion": "v1.0.20230411",
  "DerivedVendorReportedEchoSpacing": 0.000590012,
  "DeviceSerialNumber": "67064",
  "DwellTime": 2.5e-06,
  "EchoTime": 0.06,
  "EchoTrainLength": 90,
  "EffectiveEchoSpacing": 0.000590012,
  "FlipAngle": 90,
  "HeudiconvVersion": "1.0.0",
  "ImageOrientationPatientDICOM": [0.997447, 0.0211715, 0.0682066, -0.0287323, 0.993309, 0.111853],
  "ImageOrientationText": "Tra>Cor(6.5)>Sag(3.7)",
  "ImageType": [
    "ORIGINAL",
    "PRIMARY",
    "M",
    "ND",
    "MOSAIC"
],
  "ImagingFrequency": 123.247103,
  "InPlanePhaseEncodingDirectionDICOM": "COL",
  "InstitutionAddress": "Scott Ave 4525,St. Louis,MO,US,63110",
  "InstitutionName": "Washington University",
  "InstitutionalDepartmentName": "Department",
  "MRAcquisitionType": "2D",
  "MagneticFieldStrength": 3,
  "Manufacturer": "Siemens",
  "ManufacturersModelName": "Prisma_fit",
  "MatrixCoilMode": "SENSE",
  "Modality": "MR",
  "NonlinearGradientCorrection": false,
  "PartialFourier": 1,
  "PatientPosition": "HFS",
  "PercentPhaseFOV": 100,
  "PercentSampling": 100,
  "PhaseEncodingDirection": "j-",
  "PhaseEncodingSteps": 90,
  "PhaseResolution": 1,
  "PixelBandwidth": 2220,
  "ProcedureStepDescription": "head^Dosenbach",
  "ProtocolName": "SpinEchoFieldMap_AP_2p6mm_56sl",
  "PulseSequenceDetails": "%CustomerSeq%\\cmrr_mbep2d_se",
  "ReceiveCoilActiveElements": "HC1-7",
  "ReceiveCoilName": "HeadNeck_64",
  "ReconMatrixPE": 90,
  "RepetitionTime": 5.7,
  "SAR": 0.12388,
  "ScanOptions": "FS",
  "ScanningSequence": "EP",
  "SequenceName": "epse2d1_90",
  "SequenceVariant": "SK",
  "SeriesDescription": "SpinEchoFieldMap_AP_2p6mm_56sl",
  "SeriesNumber": 7,
  "ShimSetting": [-1989, -11494, 5739, 413, 63, 47, -52, -59],
  "SliceThickness": 2.6,
  "SliceTiming": [2.84, 0, 2.9425, 0.1025, 3.0425, 0.2025, 3.145, 0.305, 3.245, 0.4075, 3.3475, 0.5075, 3.45, 0.61, 3.55, 0.71, 3.6525, 0.8125, 3.7525, 0.9125, 3.855, 1.015, 3.955, 1.1175, 4.0575, 1.2175, 4.16, 1.32, 4.26, 1.42, 4.3625, 1.5225, 4.4625, 1.6225, 4.565, 1.725, 4.665, 1.825, 4.7675, 1.9275, 4.87, 2.03, 4.97, 2.13, 5.0725, 2.2325, 5.1725, 2.3325, 5.275, 2.435, 5.375, 2.535, 5.4775, 2.6375, 5.58, 2.74],
  "SoftwareVersions": "syngo MR E11",
  "SpacingBetweenSlices": 2.6,
  "StationName": "MRC35177",
  "TotalReadoutTime": 0.0525111,
  "TxRefAmp": 218.274,
  "VendorReportedEchoSpacing": 0.00059,
  "WipMemBlock": "874626d3-ebce-41aa-8241-a80b9d32b8fd||Sequence: ve11c/master r/ab69a6c; Apr 19 2017 10:08:21 by eja",
  "dcmmeta_affine": [
    [-2.5933609008789062, -0.07470410317182541, 0.16999371349811554, 117.72451782226562],
    [-0.05504593253135681, 2.582604169845581, 0.2951706647872925, -101.95706939697266],
    [0.17733727395534515, -0.29081791639328003, 2.5775911808013916, -58.68852615356445],
    [0.0, 0.0, 0.0, 1.0]
],
  "dcmmeta_reorient_transform": [
    [0.0, -1.0, 0.0, 89.0],
    [1.0, 0.0, 0.0, 0.0],
    [0.0, 0.0, 1.0, 0.0],
    [0.0, 0.0, 0.0, 1.0]
],
  "dcmmeta_shape": [90, 90, 56, 3],
  "dcmmeta_slice_dim": 2,
  "dcmmeta_version": 0.6,
  "global": {
    "const": {
      "AccessionNumber": ".",
      "AcquisitionMatrix": [90, 0, 0, 90],
      "AngioFlag": "N",
      "BitsAllocated": 16,
      "BitsStored": 16,
      "BodyPartExamined": "HEAD",
      "Columns": 720,
      "EchoNumbers": 1,
      "EchoTime": 60.0,
      "EchoTrainLength": 90,
      "FlipAngle": 90.0,
      "HighBit": 15,
      "ImageOrientationPatient": [0.99744655023516, 0.02117151304939, 0.06820664527134, -0.0287323486146, 0.99330929072965, 0.11185305133635],
      "ImagePositionPatient": [-904.45275754295, -958.75444268292, -232.04020715373],
      "ImageType": [
        "ORIGINAL",
        "PRIMARY",
        "M",
        "ND",
        "MOSAIC"
],
      "ImagedNucleus": "1H",
      "ImagingFrequency": 123.247103,
      "InPlanePhaseEncodingDirection": "COL",
      "LargestImagePixelValue": 65535,
      "MRAcquisitionType": "2D",
      "MagneticFieldStrength": 3.0,
      "Manufacturer": "SIEMENS",
      "ManufacturerModelName": "Prisma_fit",
      "Modality": "MR",
      "NumberOfAverages": 1.0,
      "NumberOfPhaseEncodingSteps": 90,
      "PercentPhaseFieldOfView": 100.0,
      "PercentSampling": 100.0,
      "PerformedProcedureStepStartTime": "211151.827000",
      "PhotometricInterpretation": "MONOCHROME2",
      "PixelBandwidth": 2220.0,
      "PixelRepresentation": 0,
      "PixelSpacing": [2.5999999046326, 2.5999999046326],
      "ProtocolName": "SpinEchoFieldMap_AP_2p6mm_56sl",
      "RepetitionTime": 5700.0,
      "Rows": 720,
      "SAR": 0.12388035116459,
      "SamplesPerPixel": 1,
      "ScanOptions": "FS",
      "ScanningSequence": "EP",
      "SequenceName": "epse2d1_90",
      "SequenceVariant": "SK",
      "SeriesDescription": "SpinEchoFieldMap_AP_2p6mm_56sl",
      "SeriesNumber": 7,
      "SeriesTime": "211440.129000",
      "SliceLocation": -62.060513433639,
      "SliceThickness": 2.5999999046326,
      "SmallestImagePixelValue": 0,
      "SoftwareVersions": "syngo MR E11",
      "SpacingBetweenSlices": 2.600000084499,
      "SpecificCharacterSet": "ISO_IR 100",
      "StudyID": "1",
      "StudyTime": "211151.781000",
      "TransmitCoilName": "Body",
      "VariableFlipAngleFlag": "N",
      "WindowCenterWidthExplanation": "Algo1",
      "dBdt": 0.0},
    "slices": {}
  },
  "time": {
    "samples": {
      "AcquisitionNumber": [1, 2, 3],
      "AcquisitionTime": ["211436.835000", "211442.535000", "211448.235000"],
      "ContentTime": ["211440.133000", "211446.128000", "211451.472000"],
      "InstanceCreationTime": ["211440.133000", "211446.128000", "211451.472000"],
      "InstanceNumber": [1, 2, 3],
      "WindowCenter": [11002.0, 11016.0, 11023.0],
      "WindowWidth": [24102.0, 24156.0, 24166.0]
    },
    "slices": {}
  }
}