{
    "Modality": "MR",
    "MagneticFieldStrength": 3,
    "ImagingFrequency": 123.2446,
    "Manufacturer": "Siemens",
    "ManufacturersModelName": "Prisma",
    "InstitutionName": "Washington University",
    "InstitutionalDepartmentName": "Research",
    "InstitutionAddress": "Scott St. 4525,St. Louis,Missouri,US,63110",
    "DeviceSerialNumber": "166158",
    "StationName": "AWP166158",
    "BodyPartExamined": "HEAD",
    "PatientPosition": "HFS",
    "ProcedureStepDescription": "HEAD^Dosenbach",
    "SoftwareVersions": "syngo MR E11",
    "MRAcquisitionType": "2D",
    "SeriesDescription": "SpinEchoFieldMap_AP_2p6mm_56sl",
    "ProtocolName": "SpinEchoFieldMap_AP_2p6mm_56sl",
    "ScanningSequence": "EP",
    "SequenceVariant": "SK",
    "ScanOptions": "FS",
    "SequenceName": "epse2d1_90",
    "ImageType": [
        "ORIGINAL",
        "PRIMARY",
        "M",
        "ND",
        "MOSAIC"
    ],
    "NonlinearGradientCorrection": false,
    "SeriesNumber": 7,
    "AcquisitionTime": "17:23:34.545000",
    "AcquisitionNumber": 1,
    "SliceThickness": 2.6,
    "SpacingBetweenSlices": 2.6,
    "SAR": 0.194491,
    "EchoTime": 0.06,
    "RepetitionTime": 5.7,
    "FlipAngle": 90,
    "PartialFourier": 1,
    "BaseResolution": 90,
    "ShimSetting": [
        4628,
        -7117,
        219,
        427,
        15,
        -105,
        -23,
        43
    ],
    "TxRefAmp": 273.217,
    "PhaseResolution": 1,
    "VendorReportedEchoSpacing": 0.00059,
    "ReceiveCoilName": "HeadNeck_64",
    "ReceiveCoilActiveElements": "HC1-7;NC1,2",
    "PulseSequenceDetails": "%CustomerSeq%\\cmrr_mbep2d_se",
    "WipMemBlock": "d6b47966-94f3-4f57-b55a-ee85e512dd5a||Sequence: R016 ve11c/master r/e634e98; Dec 19 2017 11:22:56 by eja",
    "CoilCombinationMethod": "Sum of Squares",
    "ConsistencyInfo": "N4_VE11C_LATEST_20160120",
    "MatrixCoilMode": "SENSE",
    "PercentPhaseFOV": 100,
    "PercentSampling": 100,
    "EchoTrainLength": 90,
    "PhaseEncodingSteps": 90,
    "AcquisitionMatrixPE": 90,
    "ReconMatrixPE": 90,
    "BandwidthPerPixelPhaseEncode": 18.832,
    "EffectiveEchoSpacing": 0.000590012,
    "DerivedVendorReportedEchoSpacing": 0.000590012,
    "TotalReadoutTime": 0.0525111,
    "PixelBandwidth": 2220,
    "DwellTime": 2.5e-06,
    "PhaseEncodingDirection": "j-",
    "SliceTiming": [
        2.84,
        0,
        2.9425,
        0.1025,
        3.0425,
        0.205,
        3.145,
        0.305,
        3.2475,
        0.4075,
        3.3475,
        0.5075,
        3.45,
        0.61,
        3.55,
        0.71,
        3.6525,
        0.8125,
        3.7525,
        0.915,
        3.855,
        1.015,
        3.9575,
        1.1175,
        4.0575,
        1.2175,
        4.16,
        1.32,
        4.26,
        1.42,
        4.3625,
        1.5225,
        4.4625,
        1.625,
        4.565,
        1.725,
        4.6675,
        1.8275,
        4.7675,
        1.9275,
        4.87,
        2.03,
        4.97,
        2.13,
        5.0725,
        2.2325,
        5.1725,
        2.3325,
        5.275,
        2.435,
        5.3775,
        2.5375,
        5.4775,
        2.6375,
        5.58,
        2.74
    ],
    "ImageOrientationPatientDICOM": [
        0.99946,
        -0.0319784,
        0.00752284,
        0.0328062,
        0.959563,
        -0.279575
    ],
    "ImageOrientationText": "Tra>Cor(-16.2)>Sag(-0.1)",
    "InPlanePhaseEncodingDirectionDICOM": "COL",
    "ConversionSoftware": "dcm2niix",
    "ConversionSoftwareVersion": "v1.0.20230411",
    "Dcm2bidsVersion": "2.1.6"
}