{
  "AcquisitionMatrixPE": 88,
  "AcquisitionNumber": 1,
  "AcquisitionTime": "16:23:36.140000",
  "BandwidthPerPixelPhaseEncode": 19.26,
  "BaseResolution": 90,
  "BodyPartExamined": "HEAD",
  "CoilCombinationMethod": "Sum of Squares",
  "ConsistencyInfo": "N4_VE11C_LATEST_20160120",
  "ConversionSoftware": "dcm2niix",
  "ConversionSoftwareVersion": "v1.0.20230411",
  "DerivedVendorReportedEchoSpacing": 0.000590012,
  "DeviceSerialNumber": "67064",
  "DwellTime": 2.5e-06,
  "EchoTime": 0.06,
  "EchoTrainLength": 88,
  "EffectiveEchoSpacing": 0.000590012,
  "FlipAngle": 90,
  "HeudiconvVersion": "1.0.0",
  "ImageOrientationPatientDICOM": [0.99946, -0.0228485, -0.0236302, 0.0214592, 0.998117, -0.0574627],
  "ImageOrientationText": "Tra>Cor(-3.3)>Sag(-1.4)",
  "ImageType": [
    "ORIGINAL",
    "PRIMARY",
    "M",
    "ND",
    "NORM",
    "MOSAIC"
],
  "ImagingFrequency": 123.246936,
  "InPlanePhaseEncodingDirectionDICOM": "COL",
  "InstitutionAddress": "Scott Ave 4525,St. Louis,MO,US,63110",
  "InstitutionName": "Washington University",
  "InstitutionalDepartmentName": "Department",
  "MRAcquisitionType": "2D",
  "MagneticFieldStrength": 3,
  "Manufacturer": "Siemens",
  "ManufacturersModelName": "Prisma_fit",
  "MatrixCoilMode": "SENSE",
  "Modality": "MR",
  "NonlinearGradientCorrection": false,
  "PartialFourier": 1,
  "PatientPosition": "HFS",
  "PercentPhaseFOV": 97.7778,
  "PercentSampling": 100,
  "PhaseEncodingDirection": "j",
  "PhaseEncodingSteps": 88,
  "PhaseResolution": 1,
  "PixelBandwidth": 2220,
  "ProcedureStepDescription": "head^Dosenbach",
  "ProtocolName": "SpinEchoFieldMap_PA_2p6mm_56sl",
  "PulseSequenceDetails": "%CustomerSeq%\\cmrr_mbep2d_se",
  "ReceiveCoilActiveElements": "HC1-7",
  "ReceiveCoilName": "HeadNeck_64",
  "ReconMatrixPE": 88,
  "RepetitionTime": 5.7,
  "SAR": 0.164677,
  "ScanOptions": "FS",
  "ScanningSequence": "EP",
  "SequenceName": "epse2d1_88",
  "SequenceVariant": "SK",
  "SeriesDescription": "SpinEchoFieldMap_PA_2p6mm_56sl",
  "SeriesNumber": 10,
  "ShimSetting": [-1997, -11476, 5880, 530, 40, 21, 0, -23],
  "SliceThickness": 2.6,
  "SliceTiming": [2.84, 0, 2.94, 0.1, 3.0425, 0.2025, 3.1425, 0.305, 3.245, 0.405, 3.3475, 0.5075, 3.4475, 0.6075, 3.55, 0.71, 3.65, 0.81, 3.7525, 0.9125, 3.8525, 1.015, 3.955, 1.115, 4.0575, 1.2175, 4.1575, 1.3175, 4.26, 1.42, 4.36, 1.52, 4.4625, 1.6225, 4.5625, 1.7225, 4.665, 1.825, 4.7675, 1.9275, 4.8675, 2.0275, 4.97, 2.13, 5.07, 2.23, 5.1725, 2.3325, 5.2725, 2.4325, 5.375, 2.535, 5.475, 2.6375, 5.5775, 2.7375],
  "SoftwareVersions": "syngo MR E11",
  "SpacingBetweenSlices": 2.6,
  "StationName": "MRC35177",
  "TotalReadoutTime": 0.0513311,
  "TxRefAmp": 250.34,
  "VendorReportedEchoSpacing": 0.00059,
  "WipMemBlock": "f33e48ec-366c-4c96-b4f5-ded038625e40||Sequence: R016 ve11c/master r/e634e98; Dec 19 2017 11:22:56 by eja",
  "dcmmeta_affine": [
    [-2.598594903945923, 0.05579402670264244, -0.06473655998706818, 111.0157470703125],
    [0.05940616875886917, 2.5951039791107178, -0.14800399541854858, -97.51319885253906],
    [-0.061438605189323425, 0.1494031399488449, 2.5949766635894775, -53.59528732299805],
    [0.0, 0.0, 0.0, 1.0]
],
  "dcmmeta_reorient_transform": [
    [0.0, -1.0, 0.0, 87.0],
    [1.0, 0.0, 0.0, 0.0],
    [0.0, 0.0, 1.0, 0.0],
    [0.0, 0.0, 0.0, 1.0]
],
  "dcmmeta_shape": [90, 88, 56, 3],
  "dcmmeta_slice_dim": 2,
  "dcmmeta_version": 0.6,
  "global": {
    "const": {
      "AccessionNumber": ".",
      "AcquisitionMatrix": [90, 0, 0, 88],
      "AngioFlag": "N",
      "BitsAllocated": 16,
      "BitsStored": 16,
      "BodyPartExamined": "HEAD",
      "Columns": 720,
      "EchoNumbers": 1,
      "EchoTime": 60.0,
      "EchoTrainLength": 88,
      "FlipAngle": 90.0,
      "HighBit": 15,
      "ImageOrientationPatient": [0.99945963244097, -0.0228485273817, -0.0236302331232, 0.0214592412046, 0.99811699390551, -0.0574627483154],
      "ImagePositionPatient": [-951.6117923708, -908.83997405913, 24.772114702442],
      "ImageType": [
        "ORIGINAL",
        "PRIMARY",
        "M",
        "ND",
        "NORM",
        "MOSAIC"
],
      "ImagedNucleus": "1H",
      "ImagingFrequency": 123.246936,
      "InPlanePhaseEncodingDirection": "COL",
      "LargestImagePixelValue": 65535,
      "MRAcquisitionType": "2D",
      "MagneticFieldStrength": 3.0,
      "Manufacturer": "SIEMENS",
      "ManufacturerModelName": "Prisma_fit",
      "Modality": "MR",
      "NumberOfAverages": 1.0,
      "NumberOfPhaseEncodingSteps": 88,
      "PercentPhaseFieldOfView": 97.777777777778,
      "PercentSampling": 100.0,
      "PerformedProcedureStepStartTime": "162044.123000",
      "PhotometricInterpretation": "MONOCHROME2",
      "PixelBandwidth": 2220.0,
      "PixelRepresentation": 0,
      "PixelSpacing": [2.5999999046326, 2.5999999046326],
      "ProtocolName": "SpinEchoFieldMap_PA_2p6mm_56sl",
      "RepetitionTime": 5700.0,
      "Rows": 704,
      "SAR": 0.16467720490401,
      "SamplesPerPixel": 1,
      "ScanOptions": "FS",
      "ScanningSequence": "EP",
      "SequenceName": "epse2d1_88",
      "SequenceVariant": "SK",
      "SeriesDescription": "SpinEchoFieldMap_PA_2p6mm_56sl",
      "SeriesNumber": 10,
      "SeriesTime": "162339.981000",
      "SliceLocation": -50.704981692653,
      "SliceThickness": 2.5999999046326,
      "SmallestImagePixelValue": 0,
      "SoftwareVersions": "syngo MR E11",
      "SpacingBetweenSlices": 2.6000000510568,
      "SpecificCharacterSet": "ISO_IR 100",
      "StudyID": "3",
      "StudyTime": "162044.075000",
      "TransmitCoilName": "Body",
      "VariableFlipAngleFlag": "N",
      "WindowCenterWidthExplanation": "Algo1",
      "dBdt": 0.0},
    "slices": {}
  },
  "time": {
    "samples": {
      "AcquisitionNumber": [1, 2, 3],
      "AcquisitionTime": ["162336.140000", "162341.840000", "162347.540000"],
      "ContentTime": ["162339.983000", "162345.491000", "162351.032000"],
      "InstanceCreationTime": ["162339.983000", "162345.491000", "162351.032000"],
      "InstanceNumber": [1, 2, 3],
      "WindowCenter": [12039.0, 12050.0, 12048.0],
      "WindowWidth": [26749.0, 26786.0, 26792.0]
    },
    "slices": {}
  }
}