{
    "Modality": "MR",
    "MagneticFieldStrength": 3,
    "ImagingFrequency": 123.246784,
    "Manufacturer": "Siemens",
    "ManufacturersModelName": "Prisma_fit",
    "InstitutionName": "Washington University",
    "InstitutionalDepartmentName": "Department",
    "InstitutionAddress": "Scott Ave 4525,St. Louis,MO,US,63110",
    "DeviceSerialNumber": "67064",
    "StationName": "MRC35177",
    "BodyPartExamined": "HEAD",
    "PatientPosition": "HFS",
    "ProcedureStepDescription": "head^Dosenbach",
    "SoftwareVersions": "syngo MR E11",
    "MRAcquisitionType": "2D",
    "SeriesDescription": "trunklocalizer_2_SBRef",
    "ProtocolName": "trunklocalizer_2",
    "ScanningSequence": "EP",
    "SequenceVariant": "SK\\SS",
    "ScanOptions": "FS",
    "SequenceName": "epfid2d1_82",
    "ImageType": [
        "ORIGINAL",
        "PRIMARY",
        "M",
        "ND",
        "NORM",
        "MOSAIC"
    ],
    "NonlinearGradientCorrection": false,
    "SeriesNumber": 41,
    "AcquisitionTime": "20:10:30.687500",
    "AcquisitionNumber": 1,
    "ImageComments": "Single-band reference",
    "SliceThickness": 2.6,
    "SpacingBetweenSlices": 2.6,
    "SAR": 0.147821,
    "EchoTime": 0.033,
    "RepetitionTime": 1.1,
    "FlipAngle": 84,
    "PartialFourier": 1,
    "BaseResolution": 90,
    "ShimSetting": [
        -1996,
        -11489,
        5895,
        526,
        19,
        -57,
        13,
        -22
    ],
    "TxRefAmp": 275.624,
    "PhaseResolution": 1,
    "VendorReportedEchoSpacing": 0.00059,
    "ReceiveCoilName": "HeadNeck_64",
    "ReceiveCoilActiveElements": "HC1-7;NC1,2",
    "PulseSequenceDetails": "%CustomerSeq%\\cmrr_mbep2d_bold",
    "WipMemBlock": "938628aa-bb22-4930-825e-3141b7dc0e26||Sequence: R016 ve11c/master r/e634e98; Dec 19 2017 11:00:25 by eja",
    "CoilCombinationMethod": "Sum of Squares",
    "ConsistencyInfo": "N4_VE11C_LATEST_20160120",
    "MatrixCoilMode": "SENSE",
    "PercentPhaseFOV": 91.1111,
    "PercentSampling": 100,
    "EchoTrainLength": 82,
    "PhaseEncodingSteps": 82,
    "AcquisitionMatrixPE": 82,
    "ReconMatrixPE": 82,
    "BandwidthPerPixelPhaseEncode": 20.67,
    "EffectiveEchoSpacing": 0.000589991,
    "DerivedVendorReportedEchoSpacing": 0.000589991,
    "TotalReadoutTime": 0.0477893,
    "PixelBandwidth": 2220,
    "DwellTime": 2.5e-06,
    "PhaseEncodingDirection": "j-",
    "SliceTiming": [
        0,
        0.0775,
        0.1525,
        0.23,
        0.3075,
        0.385,
        0.4625,
        0.54,
        0.6175,
        0.6925,
        0.77,
        0.8475,
        0.925,
        1.0025,
        1.08,
        1.1575,
        1.2325,
        1.31,
        1.3875,
        1.465,
        1.5425,
        1.62,
        1.6975,
        1.7725,
        1.85,
        1.9275,
        2.005,
        2.0825,
        2.16,
        2.2375,
        2.3125,
        2.39,
        2.4675,
        2.545,
        2.6225,
        2.7,
        2.7775,
        2.8525,
        2.93,
        3.0075,
        3.085,
        3.1625,
        3.24,
        3.3175,
        3.3925,
        3.47,
        3.5475,
        3.625,
        3.7025,
        3.78,
        3.8575,
        3.9325,
        4.01,
        4.0875,
        4.165,
        4.2425
    ],
    "ImageOrientationPatientDICOM": [
        0.999701,
        0.00904541,
        -0.0227222,
        -0.0143084,
        0.969807,
        -0.243453
    ],
    "ImageOrientationText": "Tra>Cor(-14.1)>Sag(-1.1)",
    "InPlanePhaseEncodingDirectionDICOM": "COL",
    "ConversionSoftware": "dcm2niix",
    "ConversionSoftwareVersion": "v1.0.20230411",
    "Dcm2bidsVersion": "2.1.6",
    "TaskName": "trunklocalizer"
}