{
    "Modality": "MR",
    "MagneticFieldStrength": 3,
    "ImagingFrequency": 123.246778,
    "Manufacturer": "Siemens",
    "ManufacturersModelName": "Prisma_fit",
    "InstitutionName": "Washington University",
    "InstitutionalDepartmentName": "Department",
    "InstitutionAddress": "Scott Ave 4525,St. Louis,MO,US,63110",
    "DeviceSerialNumber": "67064",
    "StationName": "MRC35177",
    "BodyPartExamined": "HEAD",
    "PatientPosition": "HFS",
    "ProcedureStepDescription": "head^Dosenbach",
    "SoftwareVersions": "syngo MR E11",
    "MRAcquisitionType": "2D",
    "SeriesDescription": "armlocalizer2HalfIm_2",
    "ProtocolName": "armlocalizer2HalfIm_2",
    "ScanningSequence": "EP",
    "SequenceVariant": "SK\\SS",
    "ScanOptions": "FS",
    "SequenceName": "epfid2d1_90",
    "ImageType": [
        "ORIGINAL",
        "PRIMARY",
        "M",
        "MB",
        "ND",
        "NORM",
        "MOSAIC"
    ],
    "NonlinearGradientCorrection": false,
    "SeriesNumber": 32,
    "AcquisitionTime": "19:44:44.225000",
    "AcquisitionNumber": 1,
    "ImageComments": "Unaliased MB4/PE3/LB",
    "SliceThickness": 2.6,
    "SpacingBetweenSlices": 2.6,
    "SAR": 0.147821,
    "EchoTime": 0.033,
    "RepetitionTime": 1.1,
    "FlipAngle": 84,
    "PartialFourier": 1,
    "BaseResolution": 90,
    "ShimSetting": [
        -1997,
        -11489,
        5890,
        516,
        17,
        -51,
        16,
        -26
    ],
    "TxRefAmp": 275.624,
    "PhaseResolution": 1,
    "VendorReportedEchoSpacing": 0.00059,
    "ReceiveCoilName": "HeadNeck_64",
    "ReceiveCoilActiveElements": "HC1-7;NC1,2",
    "PulseSequenceDetails": "%CustomerSeq%\\cmrr_mbep2d_bold",
    "WipMemBlock": "03c17f82-9ece-4a9b-ba0f-b9dae4cb055d||Sequence: R016 ve11c/master r/e634e98; Dec 19 2017 11:00:25 by eja",
    "CoilCombinationMethod": "Sum of Squares",
    "ConsistencyInfo": "N4_VE11C_LATEST_20160120",
    "MatrixCoilMode": "SENSE",
    "MultibandAccelerationFactor": 4,
    "PercentPhaseFOV": 100,
    "PercentSampling": 100,
    "EchoTrainLength": 90,
    "PhaseEncodingSteps": 90,
    "AcquisitionMatrixPE": 90,
    "ReconMatrixPE": 90,
    "BandwidthPerPixelPhaseEncode": 18.832,
    "EffectiveEchoSpacing": 0.000590012,
    "DerivedVendorReportedEchoSpacing": 0.000590012,
    "TotalReadoutTime": 0.0525111,
    "PixelBandwidth": 2220,
    "DwellTime": 2.5e-06,
    "PhaseEncodingDirection": "j-",
    "SliceTiming": [
        0,
        0.2325,
        0.4625,
        0.695,
        0.925,
        0.0775,
        0.31,
        0.54,
        0.7725,
        1.0025,
        0.155,
        0.385,
        0.6175,
        0.85,
        0,
        0.2325,
        0.4625,
        0.695,
        0.925,
        0.0775,
        0.31,
        0.54,
        0.7725,
        1.0025,
        0.155,
        0.385,
        0.6175,
        0.85,
        0,
        0.2325,
        0.4625,
        0.695,
        0.925,
        0.0775,
        0.31,
        0.54,
        0.7725,
        1.0025,
        0.155,
        0.385,
        0.6175,
        0.85,
        0,
        0.2325,
        0.4625,
        0.695,
        0.925,
        0.0775,
        0.31,
        0.54,
        0.7725,
        1.0025,
        0.155,
        0.385,
        0.6175,
        0.85
    ],
    "ImageOrientationPatientDICOM": [
        0.999699,
        0.00917801,
        -0.0227645,
        -0.0143084,
        0.971484,
        -0.236674
    ],
    "ImageOrientationText": "Tra>Cor(-13.7)>Sag(-1.1)",
    "InPlanePhaseEncodingDirectionDICOM": "COL",
    "ConversionSoftware": "dcm2niix",
    "ConversionSoftwareVersion": "v1.0.20230411",
    "Dcm2bidsVersion": "2.1.6",
    "TaskName": "armlocalizer2halfim"
}