{
    "Modality": "MR",
    "MagneticFieldStrength": 3,
    "ImagingFrequency": 123.246761,
    "Manufacturer": "Siemens",
    "ManufacturersModelName": "Prisma_fit",
    "InstitutionName": "Washington University",
    "InstitutionalDepartmentName": "Department",
    "InstitutionAddress": "Scott Ave 4525,St. Louis,MO,US,63110",
    "DeviceSerialNumber": "67064",
    "StationName": "MRC35177",
    "BodyPartExamined": "HEAD",
    "PatientPosition": "HFS",
    "ProcedureStepDescription": "head^Dosenbach",
    "SoftwareVersions": "syngo MR E11",
    "MRAcquisitionType": "2D",
    "SeriesDescription": "armlocalizer2HalfIm_1_SBRef",
    "ProtocolName": "armlocalizer2HalfIm_1",
    "ScanningSequence": "EP",
    "SequenceVariant": "SK\\SS",
    "ScanOptions": "FS",
    "SequenceName": "epfid2d1_90",
    "ImageType": [
        "ORIGINAL",
        "PRIMARY",
        "M",
        "ND",
        "NORM",
        "MOSAIC"
    ],
    "NonlinearGradientCorrection": false,
    "SeriesNumber": 9,
    "AcquisitionTime": "18:39:33.407500",
    "AcquisitionNumber": 1,
    "ImageComments": "Single-band reference",
    "SliceThickness": 2.6,
    "SpacingBetweenSlices": 2.6,
    "SAR": 0.147821,
    "EchoTime": 0.033,
    "RepetitionTime": 1.1,
    "FlipAngle": 84,
    "PartialFourier": 1,
    "BaseResolution": 90,
    "ShimSetting": [
        -1996,
        -11489,
        5887,
        512,
        19,
        -54,
        18,
        -26
    ],
    "TxRefAmp": 275.624,
    "PhaseResolution": 1,
    "VendorReportedEchoSpacing": 0.00059,
    "ReceiveCoilName": "HeadNeck_64",
    "ReceiveCoilActiveElements": "HC1-7;NC1,2",
    "PulseSequenceDetails": "%CustomerSeq%\\cmrr_mbep2d_bold",
    "WipMemBlock": "3dbaddaf-be71-4a32-b0c0-3859b184b24a||Sequence: R016 ve11c/master r/e634e98; Dec 19 2017 11:00:25 by eja",
    "CoilCombinationMethod": "Sum of Squares",
    "ConsistencyInfo": "N4_VE11C_LATEST_20160120",
    "MatrixCoilMode": "SENSE",
    "PercentPhaseFOV": 100,
    "PercentSampling": 100,
    "EchoTrainLength": 90,
    "PhaseEncodingSteps": 90,
    "AcquisitionMatrixPE": 90,
    "ReconMatrixPE": 90,
    "BandwidthPerPixelPhaseEncode": 18.832,
    "EffectiveEchoSpacing": 0.000590012,
    "DerivedVendorReportedEchoSpacing": 0.000590012,
    "TotalReadoutTime": 0.0525111,
    "PixelBandwidth": 2220,
    "DwellTime": 2.5e-06,
    "PhaseEncodingDirection": "j-",
    "SliceTiming": [
        0,
        0.0775,
        0.155,
        0.2325,
        0.31,
        0.3875,
        0.4625,
        0.54,
        0.6175,
        0.695,
        0.7725,
        0.85,
        0.9275,
        1.0025,
        1.08,
        1.1575,
        1.235,
        1.3125,
        1.39,
        1.4675,
        1.5425,
        1.62,
        1.6975,
        1.775,
        1.8525,
        1.93,
        2.0075,
        2.0825,
        2.16,
        2.2375,
        2.315,
        2.3925,
        2.47,
        2.5475,
        2.6225,
        2.7,
        2.7775,
        2.855,
        2.9325,
        3.01,
        3.0875,
        3.1625,
        3.24,
        3.3175,
        3.395,
        3.4725,
        3.55,
        3.6275,
        3.7025,
        3.78,
        3.8575,
        3.935,
        4.0125,
        4.09,
        4.1675,
        4.2425
    ],
    "ImageOrientationPatientDICOM": [
        0.999693,
        0.00954893,
        -0.0228721,
        -0.0143083,
        0.975849,
        -0.217975
    ],
    "ImageOrientationText": "Tra>Cor(-12.6)>Sag(-1.2)",
    "InPlanePhaseEncodingDirectionDICOM": "COL",
    "ConversionSoftware": "dcm2niix",
    "ConversionSoftwareVersion": "v1.0.20230411",
    "Dcm2bidsVersion": "2.1.6",
    "TaskName": "armlocalizer2halfim"
}