{
    "Modality": "MR",
    "MagneticFieldStrength": 3,
    "ImagingFrequency": 123.247214,
    "Manufacturer": "Siemens",
    "ManufacturersModelName": "Prisma_fit",
    "InstitutionName": "Washington University",
    "InstitutionalDepartmentName": "Department",
    "InstitutionAddress": "Scott Ave 4525,St. Louis,MO,US,63110",
    "DeviceSerialNumber": "67064",
    "StationName": "MRC35177",
    "BodyPartExamined": "HEAD",
    "PatientPosition": "HFS",
    "ProcedureStepDescription": "head^Dosenbach",
    "SoftwareVersions": "syngo MR E11",
    "MRAcquisitionType": "2D",
    "SeriesDescription": "Arm_Localizer_Task_fMRI_AP_2p6mm_MB4_tr1100_te33_56sl_fa63_SBRef",
    "ProtocolName": "Arm_Localizer_Task_fMRI_AP_2p6mm_MB4_tr1100_te33_56sl_fa63",
    "ScanningSequence": "EP",
    "SequenceVariant": "SK\\SS",
    "ScanOptions": "FS",
    "SequenceName": "epfid2d1_88",
    "ImageType": [
        "ORIGINAL",
        "PRIMARY",
        "M",
        "ND",
        "NORM",
        "MOSAIC"
    ],
    "NonlinearGradientCorrection": false,
    "SeriesNumber": 19,
    "AcquisitionTime": "21:56:53.605000",
    "AcquisitionNumber": 1,
    "ImageComments": "Single-band reference",
    "SliceThickness": 2.6,
    "SpacingBetweenSlices": 2.6,
    "SAR": 0.0545969,
    "EchoTime": 0.033,
    "RepetitionTime": 1.1,
    "FlipAngle": 63,
    "PartialFourier": 1,
    "BaseResolution": 90,
    "ShimSetting": [
        -2005,
        -11436,
        5695,
        346,
        21,
        155,
        -54,
        -50
    ],
    "TxRefAmp": 218.932,
    "PhaseResolution": 1,
    "VendorReportedEchoSpacing": 0.00059,
    "ReceiveCoilName": "HeadNeck_64",
    "ReceiveCoilActiveElements": "HC1-7",
    "PulseSequenceDetails": "%CustomerSeq%\\cmrr_mbep2d_bold",
    "WipMemBlock": "34163618-95df-459a-a915-8f85040c8b6e||Sequence: ve11c/master r/ab69a6c; Apr 19 2017 09:47:47 by eja",
    "CoilCombinationMethod": "Sum of Squares",
    "ConsistencyInfo": "N4_VE11C_LATEST_20160120",
    "MatrixCoilMode": "SENSE",
    "PercentPhaseFOV": 97.7778,
    "PercentSampling": 100,
    "EchoTrainLength": 88,
    "PhaseEncodingSteps": 88,
    "AcquisitionMatrixPE": 88,
    "ReconMatrixPE": 88,
    "BandwidthPerPixelPhaseEncode": 19.26,
    "EffectiveEchoSpacing": 0.000590012,
    "DerivedVendorReportedEchoSpacing": 0.000590012,
    "TotalReadoutTime": 0.0513311,
    "PixelBandwidth": 2220,
    "DwellTime": 2.5e-06,
    "PhaseEncodingDirection": "j-",
    "SliceTiming": [
        0,
        0.0775,
        0.155,
        0.2325,
        0.3075,
        0.385,
        0.4625,
        0.54,
        0.6175,
        0.695,
        0.7725,
        0.8475,
        0.925,
        1.0025,
        1.08,
        1.1575,
        1.235,
        1.3125,
        1.3875,
        1.465,
        1.5425,
        1.62,
        1.6975,
        1.775,
        1.8525,
        1.9275,
        2.005,
        2.0825,
        2.16,
        2.2375,
        2.315,
        2.3925,
        2.4675,
        2.545,
        2.6225,
        2.7,
        2.7775,
        2.855,
        2.9325,
        3.0075,
        3.085,
        3.1625,
        3.24,
        3.3175,
        3.395,
        3.4725,
        3.5475,
        3.625,
        3.7025,
        3.78,
        3.8575,
        3.935,
        4.0125,
        4.0875,
        4.165,
        4.2425
    ],
    "ImageOrientationPatientDICOM": [
        0.997511,
        -0.00813033,
        0.0700347,
        0.0050489,
        0.999016,
        0.0440638
    ],
    "ImageOrientationText": "Tra>Sag(4.0)>Cor(2.5)",
    "InPlanePhaseEncodingDirectionDICOM": "COL",
    "ConversionSoftware": "dcm2niix",
    "ConversionSoftwareVersion": "v1.0.20230411",
    "Dcm2bidsVersion": "2.1.6",
    "TaskName": "armloc"
}