{
    "Modality": "MR",
    "MagneticFieldStrength": 3,
    "ImagingFrequency": 123.247015,
    "Manufacturer": "Siemens",
    "ManufacturersModelName": "Prisma_fit",
    "InstitutionName": "Washington University",
    "InstitutionalDepartmentName": "Department",
    "InstitutionAddress": "Scott Ave 4525,St. Louis,MO,US,63110",
    "DeviceSerialNumber": "67064",
    "StationName": "MRC35177",
    "BodyPartExamined": "HEAD",
    "PatientPosition": "HFS",
    "ProcedureStepDescription": "head^Dosenbach",
    "SoftwareVersions": "syngo MR E11",
    "MRAcquisitionType": "2D",
    "SeriesDescription": "Imagined_Motor_Task_fMRI_AP_2p6mm_MB4_tr1100_te33_56sl_fa63",
    "ProtocolName": "Imagined_Motor_Task_fMRI_AP_2p6mm_MB4_tr1100_te33_56sl_fa63",
    "ScanningSequence": "EP",
    "SequenceVariant": "SK\\SS",
    "ScanOptions": "FS",
    "SequenceName": "epfid2d1_88",
    "ImageType": [
        "ORIGINAL",
        "PRIMARY",
        "M",
        "MB",
        "ND",
        "NORM",
        "MOSAIC"
    ],
    "NonlinearGradientCorrection": false,
    "SeriesNumber": 14,
    "AcquisitionTime": "21:37:59.662500",
    "AcquisitionNumber": 1,
    "ImageComments": "Unaliased MB4/PE3/LB",
    "SliceThickness": 2.6,
    "SpacingBetweenSlices": 2.6,
    "SAR": 0.0566751,
    "EchoTime": 0.033,
    "RepetitionTime": 1.1,
    "FlipAngle": 63,
    "PartialFourier": 1,
    "BaseResolution": 90,
    "ShimSetting": [
        -2003,
        -11470,
        5891,
        508,
        -6,
        87,
        -72,
        -33
    ],
    "TxRefAmp": 218.574,
    "PhaseResolution": 1,
    "VendorReportedEchoSpacing": 0.00059,
    "ReceiveCoilName": "HeadNeck_64",
    "ReceiveCoilActiveElements": "HC1-7",
    "PulseSequenceDetails": "%CustomerSeq%\\cmrr_mbep2d_bold",
    "WipMemBlock": "e30460bb-9444-44dd-9658-2517c0a34613||Sequence: ve11c/master r/ab69a6c; Apr 19 2017 09:47:47 by eja",
    "CoilCombinationMethod": "Sum of Squares",
    "ConsistencyInfo": "N4_VE11C_LATEST_20160120",
    "MatrixCoilMode": "SENSE",
    "MultibandAccelerationFactor": 4,
    "PercentPhaseFOV": 97.7778,
    "PercentSampling": 100,
    "EchoTrainLength": 88,
    "PhaseEncodingSteps": 88,
    "AcquisitionMatrixPE": 88,
    "ReconMatrixPE": 88,
    "BandwidthPerPixelPhaseEncode": 19.26,
    "EffectiveEchoSpacing": 0.000590012,
    "DerivedVendorReportedEchoSpacing": 0.000590012,
    "TotalReadoutTime": 0.0513311,
    "PixelBandwidth": 2220,
    "DwellTime": 2.5e-06,
    "PhaseEncodingDirection": "j-",
    "SliceTiming": [
        0,
        0.23,
        0.4625,
        0.695,
        0.925,
        0.0775,
        0.3075,
        0.54,
        0.77,
        1.0025,
        0.155,
        0.385,
        0.6175,
        0.8475,
        0,
        0.23,
        0.4625,
        0.695,
        0.925,
        0.0775,
        0.3075,
        0.54,
        0.77,
        1.0025,
        0.155,
        0.385,
        0.6175,
        0.8475,
        0,
        0.23,
        0.4625,
        0.695,
        0.925,
        0.0775,
        0.3075,
        0.54,
        0.77,
        1.0025,
        0.155,
        0.385,
        0.6175,
        0.8475,
        0,
        0.23,
        0.4625,
        0.695,
        0.925,
        0.0775,
        0.3075,
        0.54,
        0.77,
        1.0025,
        0.155,
        0.385,
        0.6175,
        0.8475
    ],
    "ImageOrientationPatientDICOM": [
        0.998241,
        0.0353868,
        0.0475585,
        -0.0338127,
        0.998866,
        -0.0335041
    ],
    "ImageOrientationText": "Tra>Sag(2.8)>Cor(-1.8)",
    "InPlanePhaseEncodingDirectionDICOM": "COL",
    "ConversionSoftware": "dcm2niix",
    "ConversionSoftwareVersion": "v1.0.20230411",
    "Dcm2bidsVersion": "2.1.6",
    "TaskName": "imotor"
}