{
  "AcquisitionMatrixPE": 90,
  "AcquisitionNumber": 1,
  "AcquisitionTime": "15:22:34.190000",
  "BandwidthPerPixelPhaseEncode": 18.832,
  "BaseResolution": 90,
  "BodyPartExamined": "HEAD",
  "CoilCombinationMethod": "Sum of Squares",
  "ConsistencyInfo": "N4_VE11C_LATEST_20160120",
  "ConversionSoftware": "dcm2niix",
  "ConversionSoftwareVersion": "v1.0.20230411",
  "DerivedVendorReportedEchoSpacing": 0.000590012,
  "DeviceSerialNumber": "67064",
  "DwellTime": 2.5e-06,
  "EchoTime": 0.06,
  "EchoTrainLength": 90,
  "EffectiveEchoSpacing": 0.000590012,
  "FlipAngle": 90,
  "HeudiconvVersion": "1.0.0",
  "ImageOrientationPatientDICOM": [0.99956, -0.0295586, 0.00230717, 0.0294916, 0.983261, -0.179799],
  "ImageOrientationText": "Tra>Cor(-10.4)>Sag(-0.2)",
  "ImageType": [
    "ORIGINAL",
    "PRIMARY",
    "M",
    "ND",
    "NORM",
    "MOSAIC"
],
  "ImagingFrequency": 123.246769,
  "InPlanePhaseEncodingDirectionDICOM": "COL",
  "InstitutionAddress": "Scott Ave 4525,St. Louis,MO,US,63110",
  "InstitutionName": "Washington University",
  "InstitutionalDepartmentName": "Department",
  "MRAcquisitionType": "2D",
  "MagneticFieldStrength": 3,
  "Manufacturer": "Siemens",
  "ManufacturersModelName": "Prisma_fit",
  "MatrixCoilMode": "SENSE",
  "Modality": "MR",
  "NonlinearGradientCorrection": false,
  "PartialFourier": 1,
  "PatientPosition": "HFS",
  "PercentPhaseFOV": 100,
  "PercentSampling": 100,
  "PhaseEncodingDirection": "j-",
  "PhaseEncodingSteps": 90,
  "PhaseResolution": 1,
  "PixelBandwidth": 2220,
  "ProcedureStepDescription": "head^Dosenbach",
  "ProtocolName": "SpinEchoFieldMap_AP_2p6mm_56sl",
  "PulseSequenceDetails": "%CustomerSeq%\\cmrr_mbep2d_se",
  "ReceiveCoilActiveElements": "HC1-7",
  "ReceiveCoilName": "HeadNeck_64",
  "ReconMatrixPE": 90,
  "RepetitionTime": 5.7,
  "SAR": 0.172461,
  "ScanOptions": "FS",
  "ScanningSequence": "EP",
  "SequenceName": "epse2d1_90",
  "SequenceVariant": "SK",
  "SeriesDescription": "SpinEchoFieldMap_AP_2p6mm_56sl",
  "SeriesNumber": 8,
  "ShimSetting": [-1998, -11462, 5857, 441, 39, 18, -7, -10],
  "SliceThickness": 2.6,
  "SliceTiming": [2.84, 0, 2.94, 0.1, 3.0425, 0.2025, 3.1425, 0.305, 3.245, 0.405, 3.3475, 0.5075, 3.4475, 0.6075, 3.55, 0.71, 3.65, 0.81, 3.7525, 0.9125, 3.8525, 1.0125, 3.955, 1.115, 4.0575, 1.2175, 4.1575, 1.3175, 4.26, 1.42, 4.36, 1.52, 4.4625, 1.6225, 4.5625, 1.7225, 4.665, 1.825, 4.765, 1.9275, 4.8675, 2.0275, 4.97, 2.13, 5.07, 2.23, 5.1725, 2.3325, 5.2725, 2.4325, 5.375, 2.535, 5.475, 2.6375, 5.5775, 2.7375],
  "SoftwareVersions": "syngo MR E11",
  "SpacingBetweenSlices": 2.6,
  "StationName": "MRC35177",
  "TotalReadoutTime": 0.0525111,
  "TxRefAmp": 245.712,
  "VendorReportedEchoSpacing": 0.00059,
  "WipMemBlock": "a2de48a3-03a1-4d91-9991-13792d04ebe5||Sequence: ve11c/master r/ab69a6c; Apr 19 2017 10:08:21 by eja",
  "dcmmeta_affine": [
    [-2.5988569259643555, 0.07667825371026993, -0.007919728755950928, 111.00257873535156],
    [0.07685241103172302, 2.5564792156219482, -0.46744757890701294, -90.46109771728516],
    [0.005998631007969379, 0.46747615933418274, 2.557621955871582, -69.75714874267578],
    [0.0, 0.0, 0.0, 1.0]
],
  "dcmmeta_reorient_transform": [
    [0.0, -1.0, 0.0, 89.0],
    [1.0, 0.0, 0.0, 0.0],
    [0.0, 0.0, 1.0, 0.0],
    [0.0, 0.0, 0.0, 1.0]
],
  "dcmmeta_shape": [90, 90, 56, 3],
  "dcmmeta_slice_dim": 2,
  "dcmmeta_version": 0.6,
  "global": {
    "const": {
      "AccessionNumber": ".",
      "AcquisitionMatrix": [90, 0, 0, 90],
      "AngioFlag": "N",
      "BitsAllocated": 16,
      "BitsStored": 16,
      "BodyPartExamined": "HEAD",
      "Columns": 720,
      "EchoNumbers": 1,
      "EchoTime": 60.0,
      "EchoTrainLength": 90,
      "FlipAngle": 90.0,
      "HighBit": 15,
      "ImageOrientationPatient": [0.99956038582092, -0.0295586211293, 0.00230716589548, 0.02949163744913, 0.98326127446899, -0.1797985246051],
      "ImagePositionPatient": [-960.62051704215, -918.14800017894, 117.21364317686],
      "ImageType": [
        "ORIGINAL",
        "PRIMARY",
        "M",
        "ND",
        "NORM",
        "MOSAIC"
],
      "ImagedNucleus": "1H",
      "ImagingFrequency": 123.246769,
      "InPlanePhaseEncodingDirection": "COL",
      "LargestImagePixelValue": 65535,
      "MRAcquisitionType": "2D",
      "MagneticFieldStrength": 3.0,
      "Manufacturer": "SIEMENS",
      "ManufacturerModelName": "Prisma_fit",
      "Modality": "MR",
      "NumberOfAverages": 1.0,
      "NumberOfPhaseEncodingSteps": 90,
      "PercentPhaseFieldOfView": 100.0,
      "PercentSampling": 100.0,
      "PerformedProcedureStepStartTime": "151955.056000",
      "PhotometricInterpretation": "MONOCHROME2",
      "PixelBandwidth": 2220.0,
      "PixelRepresentation": 0,
      "PixelSpacing": [2.5999999046326, 2.5999999046326],
      "ProtocolName": "SpinEchoFieldMap_AP_2p6mm_56sl",
      "RepetitionTime": 5700.0,
      "Rows": 720,
      "SAR": 0.17246107740479,
      "SamplesPerPixel": 1,
      "ScanOptions": "FS",
      "ScanningSequence": "EP",
      "SequenceName": "epse2d1_90",
      "SequenceVariant": "SK",
      "SeriesDescription": "SpinEchoFieldMap_AP_2p6mm_56sl",
      "SeriesNumber": 8,
      "SeriesTime": "152237.907000",
      "SliceLocation": -52.694505193028,
      "SliceThickness": 2.5999999046326,
      "SmallestImagePixelValue": 0,
      "SoftwareVersions": "syngo MR E11",
      "SpacingBetweenSlices": 2.6000000236745,
      "SpecificCharacterSet": "ISO_IR 100",
      "StudyID": "1",
      "StudyTime": "151954.980000",
      "TransmitCoilName": "Body",
      "VariableFlipAngleFlag": "N",
      "WindowCenterWidthExplanation": "Algo1",
      "dBdt": 0.0},
    "slices": {}
  },
  "time": {
    "samples": {
      "AcquisitionNumber": [1, 2, 3],
      "AcquisitionTime": ["152234.190000", "152239.890000", "152245.590000"],
      "ContentTime": ["152237.909000", "152243.459000", "152248.920000"],
      "InstanceCreationTime": ["152237.909000", "152243.459000", "152248.920000"],
      "InstanceNumber": [1, 2, 3],
      "WindowCenter": [11621.0, 11627.0, 11621.0],
      "WindowWidth": [25640.0, 25663.0, 25640.0]
    },
    "slices": {}
  }
}