{
  "AcquisitionMatrixPE": 90,
  "AcquisitionNumber": 1,
  "AcquisitionTime": "16:27:34.380000",
  "BandwidthPerPixelPhaseEncode": 18.832,
  "BaseResolution": 90,
  "BodyPartExamined": "HEAD",
  "CoilCombinationMethod": "Sum of Squares",
  "ConsistencyInfo": "N4_VE11C_LATEST_20160120",
  "ConversionSoftware": "dcm2niix",
  "ConversionSoftwareVersion": "v1.0.20230411",
  "DerivedVendorReportedEchoSpacing": 0.000590012,
  "DeviceSerialNumber": "67064",
  "DwellTime": 2.5e-06,
  "EchoTime": 0.06,
  "EchoTrainLength": 90,
  "EffectiveEchoSpacing": 0.000590012,
  "FlipAngle": 90,
  "HeudiconvVersion": "1.0.0",
  "ImageOrientationPatientDICOM": [0.998933, -0.0366925, -0.0280471, 0.037153, 0.99918, 0.0160798],
  "ImageOrientationText": "Tra>Sag(-1.6)>Cor(1.0)",
  "ImageType": [
    "ORIGINAL",
    "PRIMARY",
    "M",
    "ND",
    "MOSAIC"
],
  "ImagingFrequency": 123.246752,
  "InPlanePhaseEncodingDirectionDICOM": "COL",
  "InstitutionAddress": "Scott Ave 4525,St. Louis,MO,US,63110",
  "InstitutionName": "Washington University",
  "InstitutionalDepartmentName": "Department",
  "MRAcquisitionType": "2D",
  "MagneticFieldStrength": 3,
  "Manufacturer": "Siemens",
  "ManufacturersModelName": "Prisma_fit",
  "MatrixCoilMode": "SENSE",
  "Modality": "MR",
  "NonlinearGradientCorrection": false,
  "PartialFourier": 1,
  "PatientPosition": "HFS",
  "PercentPhaseFOV": 100,
  "PercentSampling": 100,
  "PhaseEncodingDirection": "j-",
  "PhaseEncodingSteps": 90,
  "PhaseResolution": 1,
  "PixelBandwidth": 2220,
  "ProcedureStepDescription": "head^Dosenbach",
  "ProtocolName": "SpinEchoFieldMap_AP_2p6mm_56sl",
  "PulseSequenceDetails": "%CustomerSeq%\\cmrr_mbep2d_se",
  "ReceiveCoilActiveElements": "HC1-7",
  "ReceiveCoilName": "HeadNeck_64",
  "ReconMatrixPE": 90,
  "RepetitionTime": 5.7,
  "SAR": 0.159582,
  "ScanOptions": "FS",
  "ScanningSequence": "EP",
  "SequenceName": "epse2d1_90",
  "SequenceVariant": "SK",
  "SeriesDescription": "SpinEchoFieldMap_AP_2p6mm_56sl",
  "SeriesNumber": 7,
  "ShimSetting": [-1998, -11482, 5882, 546, 50, 48, 46, -57],
  "SliceThickness": 2.6,
  "SliceTiming": [2.84, 0, 2.9425, 0.1025, 3.0425, 0.2025, 3.145, 0.305, 3.245, 0.405, 3.3475, 0.5075, 3.4475, 0.6075, 3.55, 0.71, 3.6525, 0.8125, 3.7525, 0.9125, 3.855, 1.015, 3.955, 1.115, 4.0575, 1.2175, 4.1575, 1.3175, 4.26, 1.42, 4.36, 1.5225, 4.4625, 1.6225, 4.565, 1.725, 4.665, 1.825, 4.7675, 1.9275, 4.8675, 2.0275, 4.97, 2.13, 5.07, 2.2325, 5.1725, 2.3325, 5.275, 2.435, 5.375, 2.535, 5.4775, 2.6375, 5.5775, 2.7375],
  "SoftwareVersions": "syngo MR E11",
  "SpacingBetweenSlices": 2.6,
  "StationName": "MRC35177",
  "TotalReadoutTime": 0.0525111,
  "TxRefAmp": 259.495,
  "VendorReportedEchoSpacing": 0.00059,
  "WipMemBlock": "e4f417a4-c172-43e3-b85d-066be8e89030||Sequence: ve11c/master r/ab69a6c; Apr 19 2017 10:08:21 by eja",
  "dcmmeta_affine": [
    [-2.5972256660461426, 0.09659785777330399, -0.0713285431265831, 108.75699615478516],
    [0.09540041536092758, 2.5978684425354004, 0.04447212442755699, -101.39301300048828],
    [-0.07292234152555466, -0.041807446628808975, 2.5986409187316895, -53.373722076416016],
    [0.0, 0.0, 0.0, 1.0]
],
  "dcmmeta_reorient_transform": [
    [0.0, -1.0, 0.0, 89.0],
    [1.0, 0.0, 0.0, 0.0],
    [0.0, 0.0, 1.0, 0.0],
    [0.0, 0.0, 0.0, 1.0]
],
  "dcmmeta_shape": [90, 90, 56, 3],
  "dcmmeta_slice_dim": 2,
  "dcmmeta_version": 0.6,
  "global": {
    "const": {
      "AccessionNumber": ".",
      "AcquisitionMatrix": [90, 0, 0, 90],
      "AngioFlag": "N",
      "BitsAllocated": 16,
      "BitsStored": 16,
      "BodyPartExamined": "HEAD",
      "Columns": 720,
      "EchoNumbers": 1,
      "EchoTime": 60.0,
      "EchoTrainLength": 90,
      "FlipAngle": 90.0,
      "HighBit": 15,
      "ImageOrientationPatient": [0.99893294336751, -0.0366924697599, -0.0280470554256, 0.03715302473381, 0.99918021056607, 0.01607978750731],
      "ImagePositionPatient": [-965.90858312902, -918.094712977, -47.293392430567],
      "ImageType": [
        "ORIGINAL",
        "PRIMARY",
        "M",
        "ND",
        "MOSAIC"
],
      "ImagedNucleus": "1H",
      "ImagingFrequency": 123.246752,
      "InPlanePhaseEncodingDirection": "COL",
      "LargestImagePixelValue": 65535,
      "MRAcquisitionType": "2D",
      "MagneticFieldStrength": 3.0,
      "Manufacturer": "SIEMENS",
      "ManufacturerModelName": "Prisma_fit",
      "Modality": "MR",
      "NumberOfAverages": 1.0,
      "NumberOfPhaseEncodingSteps": 90,
      "PercentPhaseFieldOfView": 100.0,
      "PercentSampling": 100.0,
      "PerformedProcedureStepStartTime": "162356.495000",
      "PhotometricInterpretation": "MONOCHROME2",
      "PixelBandwidth": 2220.0,
      "PixelRepresentation": 0,
      "PixelSpacing": [2.5999999046326, 2.5999999046326],
      "ProtocolName": "SpinEchoFieldMap_AP_2p6mm_56sl",
      "RepetitionTime": 5700.0,
      "Rows": 720,
      "SAR": 0.15958184370708,
      "SamplesPerPixel": 1,
      "ScanOptions": "FS",
      "ScanningSequence": "EP",
      "SequenceName": "epse2d1_90",
      "SequenceVariant": "SK",
      "SeriesDescription": "SpinEchoFieldMap_AP_2p6mm_56sl",
      "SeriesNumber": 7,
      "SeriesTime": "162737.632000",
      "SliceLocation": -58.063760194594,
      "SliceThickness": 2.5999999046326,
      "SmallestImagePixelValue": 0,
      "SoftwareVersions": "syngo MR E11",
      "SpacingBetweenSlices": 2.6000000385568,
      "SpecificCharacterSet": "ISO_IR 100",
      "StudyID": "1",
      "StudyTime": "162356.415000",
      "TransmitCoilName": "Body",
      "VariableFlipAngleFlag": "N",
      "WindowCenterWidthExplanation": "Algo1",
      "dBdt": 0.0},
    "slices": {}
  },
  "time": {
    "samples": {
      "AcquisitionNumber": [1, 2, 3],
      "AcquisitionTime": ["162734.380000", "162740.080000", "162745.780000"],
      "ContentTime": ["162737.636000", "162743.131000", "162748.741000"],
      "InstanceCreationTime": ["162737.636000", "162743.131000", "162748.741000"],
      "InstanceNumber": [1, 2, 3],
      "WindowCenter": [11141.0, 11155.0, 11155.0],
      "WindowWidth": [24418.0, 24474.0, 24479.0]
    },
    "slices": {}
  }
}