{
  "AcquisitionMatrixPE": 88,
  "AcquisitionNumber": 1,
  "AcquisitionTime": "16:28:0.770000",
  "BandwidthPerPixelPhaseEncode": 19.26,
  "BaseResolution": 90,
  "BodyPartExamined": "HEAD",
  "CoilCombinationMethod": "Sum of Squares",
  "ConsistencyInfo": "N4_VE11C_LATEST_20160120",
  "ConversionSoftware": "dcm2niix",
  "ConversionSoftwareVersion": "v1.0.20230411",
  "DerivedVendorReportedEchoSpacing": 0.000590012,
  "DeviceSerialNumber": "67064",
  "DwellTime": 2.5e-06,
  "EchoTime": 0.06,
  "EchoTrainLength": 88,
  "EffectiveEchoSpacing": 0.000590012,
  "FlipAngle": 90,
  "HeudiconvVersion": "1.0.0",
  "ImageOrientationPatientDICOM": [0.998933, -0.0366925, -0.0280471, 0.037153, 0.99918, 0.0160798],
  "ImageOrientationText": "Tra>Sag(-1.6)>Cor(1.0)",
  "ImageType": [
    "ORIGINAL",
    "PRIMARY",
    "M",
    "ND",
    "NORM",
    "MOSAIC"
],
  "ImagingFrequency": 123.246748,
  "InPlanePhaseEncodingDirectionDICOM": "COL",
  "InstitutionAddress": "Scott Ave 4525,St. Louis,MO,US,63110",
  "InstitutionName": "Washington University",
  "InstitutionalDepartmentName": "Department",
  "MRAcquisitionType": "2D",
  "MagneticFieldStrength": 3,
  "Manufacturer": "Siemens",
  "ManufacturersModelName": "Prisma_fit",
  "MatrixCoilMode": "SENSE",
  "Modality": "MR",
  "NonlinearGradientCorrection": false,
  "PartialFourier": 1,
  "PatientPosition": "HFS",
  "PercentPhaseFOV": 97.7778,
  "PercentSampling": 100,
  "PhaseEncodingDirection": "j",
  "PhaseEncodingSteps": 88,
  "PhaseResolution": 1,
  "PixelBandwidth": 2220,
  "ProcedureStepDescription": "head^Dosenbach",
  "ProtocolName": "SpinEchoFieldMap_PA_2p6mm_56sl",
  "PulseSequenceDetails": "%CustomerSeq%\\cmrr_mbep2d_se",
  "ReceiveCoilActiveElements": "HC1-7",
  "ReceiveCoilName": "HeadNeck_64",
  "ReconMatrixPE": 88,
  "RepetitionTime": 5.7,
  "SAR": 0.159582,
  "ScanOptions": "FS",
  "ScanningSequence": "EP",
  "SequenceName": "epse2d1_88",
  "SequenceVariant": "SK",
  "SeriesDescription": "SpinEchoFieldMap_PA_2p6mm_56sl",
  "SeriesNumber": 10,
  "ShimSetting": [-1998, -11482, 5882, 546, 50, 48, 45, -57],
  "SliceThickness": 2.6,
  "SliceTiming": [2.8375, 0, 2.94, 0.1, 3.0425, 0.2025, 3.1425, 0.3025, 3.245, 0.405, 3.345, 0.505, 3.4475, 0.6075, 3.5475, 0.71, 3.65, 0.81, 3.7525, 0.9125, 3.8525, 1.0125, 3.955, 1.115, 4.055, 1.215, 4.1575, 1.3175, 4.2575, 1.42, 4.36, 1.52, 4.4625, 1.6225, 4.5625, 1.7225, 4.665, 1.825, 4.765, 1.925, 4.8675, 2.0275, 4.9675, 2.1275, 5.07, 2.23, 5.1725, 2.3325, 5.2725, 2.4325, 5.375, 2.535, 5.475, 2.635, 5.5775, 2.7375],
  "SoftwareVersions": "syngo MR E11",
  "SpacingBetweenSlices": 2.6,
  "StationName": "MRC35177",
  "TotalReadoutTime": 0.0513311,
  "TxRefAmp": 259.495,
  "VendorReportedEchoSpacing": 0.00059,
  "WipMemBlock": "0bdae710-f0bb-40e2-b497-8740f79d222e||Sequence: ve11c/master r/ab69a6c; Apr 19 2017 10:08:21 by eja",
  "dcmmeta_affine": [
    [-2.5972256660461426, 0.09659785777330399, -0.0713285431265831, 108.85359191894531],
    [0.09540041536092758, 2.5978684425354004, 0.04447212442755699, -98.7951431274414],
    [-0.07292234152555466, -0.041807446628808975, 2.5986409187316895, -53.41552734375],
    [0.0, 0.0, 0.0, 1.0]
],
  "dcmmeta_reorient_transform": [
    [0.0, -1.0, 0.0, 87.0],
    [1.0, 0.0, 0.0, 0.0],
    [0.0, 0.0, 1.0, 0.0],
    [0.0, 0.0, 0.0, 1.0]
],
  "dcmmeta_shape": [90, 88, 56, 3],
  "dcmmeta_slice_dim": 2,
  "dcmmeta_version": 0.6,
  "global": {
    "const": {
      "AccessionNumber": ".",
      "AcquisitionMatrix": [90, 0, 0, 88],
      "AngioFlag": "N",
      "BitsAllocated": 16,
      "BitsStored": 16,
      "BodyPartExamined": "HEAD",
      "Columns": 720,
      "EchoNumbers": 1,
      "EchoTime": 60.0,
      "EchoTrainLength": 88,
      "FlipAngle": 90.0,
      "HighBit": 15,
      "ImageOrientationPatient": [0.99893294336751, -0.0366924697599, -0.0280470554256, 0.03715302473381, 0.99918021056607, 0.01607978750731],
      "ImagePositionPatient": [-965.1358002429, -897.31176535954, -46.958932862683],
      "ImageType": [
        "ORIGINAL",
        "PRIMARY",
        "M",
        "ND",
        "NORM",
        "MOSAIC"
],
      "ImagedNucleus": "1H",
      "ImagingFrequency": 123.246748,
      "InPlanePhaseEncodingDirection": "COL",
      "LargestImagePixelValue": 65535,
      "MRAcquisitionType": "2D",
      "MagneticFieldStrength": 3.0,
      "Manufacturer": "SIEMENS",
      "ManufacturerModelName": "Prisma_fit",
      "Modality": "MR",
      "NumberOfAverages": 1.0,
      "NumberOfPhaseEncodingSteps": 88,
      "PercentPhaseFieldOfView": 97.777777777778,
      "PercentSampling": 100.0,
      "PerformedProcedureStepStartTime": "162356.495000",
      "PhotometricInterpretation": "MONOCHROME2",
      "PixelBandwidth": 2220.0,
      "PixelRepresentation": 0,
      "PixelSpacing": [2.5999999046326, 2.5999999046326],
      "ProtocolName": "SpinEchoFieldMap_PA_2p6mm_56sl",
      "RepetitionTime": 5700.0,
      "Rows": 704,
      "SAR": 0.15958184370708,
      "SamplesPerPixel": 1,
      "ScanOptions": "FS",
      "ScanningSequence": "EP",
      "SequenceName": "epse2d1_88",
      "SequenceVariant": "SK",
      "SeriesDescription": "SpinEchoFieldMap_PA_2p6mm_56sl",
      "SeriesNumber": 10,
      "SeriesTime": "162804.657000",
      "SliceLocation": -58.063760194594,
      "SliceThickness": 2.5999999046326,
      "SmallestImagePixelValue": 0,
      "SoftwareVersions": "syngo MR E11",
      "SpacingBetweenSlices": 2.6000000385568,
      "SpecificCharacterSet": "ISO_IR 100",
      "StudyID": "1",
      "StudyTime": "162356.415000",
      "TransmitCoilName": "Body",
      "VariableFlipAngleFlag": "N",
      "WindowCenterWidthExplanation": "Algo1",
      "dBdt": 0.0},
    "slices": {}
  },
  "time": {
    "samples": {
      "AcquisitionNumber": [1, 2, 3],
      "AcquisitionTime": ["162800.770000", "162806.470000", "162812.170000"],
      "ContentTime": ["162804.660000", "162810.173000", "162815.806000"],
      "InstanceCreationTime": ["162804.660000", "162810.173000", "162815.806000"],
      "InstanceNumber": [1, 2, 3],
      "WindowCenter": [10757.0, 10774.0, 10773.0],
      "WindowWidth": [23552.0, 23578.0, 23605.0]
    },
    "slices": {}
  }
}