{
  "AcquisitionMatrixPE": 90,
  "AcquisitionNumber": 1,
  "AcquisitionTime": "12:59:13.097500",
  "BandwidthPerPixelPhaseEncode": 18.832,
  "BaseResolution": 90,
  "BodyPartExamined": "HEAD",
  "CoilCombinationMethod": "Sum of Squares",
  "ConsistencyInfo": "N4_VE11C_LATEST_20160120",
  "ConversionSoftware": "dcm2niix",
  "ConversionSoftwareVersion": "v1.0.20230411",
  "DerivedVendorReportedEchoSpacing": 0.000590012,
  "DeviceSerialNumber": "67064",
  "DwellTime": 2.5e-06,
  "EchoTime": 0.06,
  "EchoTrainLength": 90,
  "EffectiveEchoSpacing": 0.000590012,
  "FlipAngle": 90,
  "HeudiconvVersion": "1.0.0",
  "ImageOrientationPatientDICOM": [0.999313, 0.0354126, -0.0109346, -0.0364685, 0.992134, -0.119748],
  "ImageOrientationText": "Tra>Cor(-6.9)>Sag(-0.4)",
  "ImageType": [
    "ORIGINAL",
    "PRIMARY",
    "M",
    "ND",
    "MOSAIC"
],
  "ImagingFrequency": 123.246932,
  "InPlanePhaseEncodingDirectionDICOM": "COL",
  "InstitutionAddress": "Scott Ave 4525,St. Louis,MO,US,63110",
  "InstitutionName": "Washington University",
  "InstitutionalDepartmentName": "Department",
  "MRAcquisitionType": "2D",
  "MagneticFieldStrength": 3,
  "Manufacturer": "Siemens",
  "ManufacturersModelName": "Prisma_fit",
  "MatrixCoilMode": "SENSE",
  "Modality": "MR",
  "NonlinearGradientCorrection": false,
  "PartialFourier": 1,
  "PatientPosition": "HFS",
  "PercentPhaseFOV": 100,
  "PercentSampling": 100,
  "PhaseEncodingDirection": "j-",
  "PhaseEncodingSteps": 90,
  "PhaseResolution": 1,
  "PixelBandwidth": 2220,
  "ProcedureStepDescription": "head^Dosenbach",
  "ProtocolName": "SpinEchoFieldMap_AP_2p6mm_56sl",
  "PulseSequenceDetails": "%CustomerSeq%\\cmrr_mbep2d_se",
  "ReceiveCoilActiveElements": "HC1-7",
  "ReceiveCoilName": "HeadNeck_64",
  "ReconMatrixPE": 90,
  "RepetitionTime": 5.7,
  "SAR": 0.156023,
  "ScanOptions": "FS",
  "ScanningSequence": "EP",
  "SequenceName": "epse2d1_90",
  "SequenceVariant": "SK",
  "SeriesDescription": "SpinEchoFieldMap_AP_2p6mm_56sl",
  "SeriesNumber": 7,
  "ShimSetting": [-2010, -11473, 5860, 503, 10, -3, 14, -16],
  "SliceThickness": 2.6,
  "SliceTiming": [2.84, 0, 2.9425, 0.1025, 3.0425, 0.205, 3.145, 0.305, 3.2475, 0.4075, 3.3475, 0.5075, 3.45, 0.61, 3.55, 0.71, 3.6525, 0.8125, 3.7525, 0.9125, 3.855, 1.015, 3.9575, 1.1175, 4.0575, 1.2175, 4.16, 1.32, 4.26, 1.42, 4.3625, 1.5225, 4.4625, 1.6225, 4.565, 1.725, 4.665, 1.8275, 4.7675, 1.9275, 4.87, 2.03, 4.97, 2.13, 5.0725, 2.2325, 5.1725, 2.3325, 5.275, 2.435, 5.375, 2.5375, 5.4775, 2.6375, 5.58, 2.74],
  "SoftwareVersions": "syngo MR E11",
  "SpacingBetweenSlices": 2.6,
  "StationName": "MRC35177",
  "TotalReadoutTime": 0.0525111,
  "TxRefAmp": 245.665,
  "VendorReportedEchoSpacing": 0.00059,
  "WipMemBlock": "fffd8214-6fb1-43b6-918e-89da8adf20a6||Sequence: R016 ve11c/master r/e634e98; Dec 19 2017 11:22:56 by eja",
  "dcmmeta_affine": [
    [-2.5982136726379395, -0.094818115234375, -0.017180850729346275, 121.66719818115234],
    [-0.0920727476477623, 2.5795490741729736, -0.3121679127216339, -87.0080337524414],
    [-0.02843000739812851, 0.3113449811935425, 2.581134796142578, -63.34229278564453],
    [0.0, 0.0, 0.0, 1.0]
],
  "dcmmeta_reorient_transform": [
    [0.0, -1.0, 0.0, 89.0],
    [1.0, 0.0, 0.0, 0.0],
    [0.0, 0.0, 1.0, 0.0],
    [0.0, 0.0, 0.0, 1.0]
],
  "dcmmeta_shape": [90, 90, 56, 3],
  "dcmmeta_slice_dim": 2,
  "dcmmeta_version": 0.6,
  "global": {
    "const": {
      "AccessionNumber": ".",
      "AcquisitionMatrix": [90, 0, 0, 90],
      "AngioFlag": "N",
      "BitsAllocated": 16,
      "BitsStored": 16,
      "BodyPartExamined": "HEAD",
      "Columns": 720,
      "EchoNumbers": 1,
      "EchoTime": 60.0,
      "EchoTrainLength": 90,
      "FlipAngle": 90.0,
      "HighBit": 15,
      "ImageOrientationPatient": [0.99931295501242, 0.03541259752875, -0.0109346184488, -0.0364685072941, 0.99213428811068, -0.1197480786103],
      "ImagePositionPatient": [-901.79796043943, -984.13270183808, 71.396537497316],
      "ImageType": [
        "ORIGINAL",
        "PRIMARY",
        "M",
        "ND",
        "MOSAIC"
],
      "ImagedNucleus": "1H",
      "ImagingFrequency": 123.246932,
      "InPlanePhaseEncodingDirection": "COL",
      "LargestImagePixelValue": 65535,
      "MRAcquisitionType": "2D",
      "MagneticFieldStrength": 3.0,
      "Manufacturer": "SIEMENS",
      "ManufacturerModelName": "Prisma_fit",
      "Modality": "MR",
      "NumberOfAverages": 1.0,
      "NumberOfPhaseEncodingSteps": 90,
      "PercentPhaseFieldOfView": 100.0,
      "PercentSampling": 100.0,
      "PerformedProcedureStepStartTime": "125601.971000",
      "PhotometricInterpretation": "MONOCHROME2",
      "PixelBandwidth": 2220.0,
      "PixelRepresentation": 0,
      "PixelSpacing": [2.5999999046326, 2.5999999046326],
      "ProtocolName": "SpinEchoFieldMap_AP_2p6mm_56sl",
      "RepetitionTime": 5700.0,
      "Rows": 720,
      "SAR": 0.15602276252498,
      "SamplesPerPixel": 1,
      "ScanOptions": "FS",
      "ScanningSequence": "EP",
      "SequenceName": "epse2d1_90",
      "SequenceVariant": "SK",
      "SeriesDescription": "SpinEchoFieldMap_AP_2p6mm_56sl",
      "SeriesNumber": 7,
      "SeriesTime": "125917.156000",
      "SliceLocation": -53.240082710104,
      "SliceThickness": 2.5999999046326,
      "SmallestImagePixelValue": 0,
      "SoftwareVersions": "syngo MR E11",
      "SpacingBetweenSlices": 2.6000000873909,
      "SpecificCharacterSet": "ISO_IR 100",
      "StudyID": "1",
      "StudyTime": "125601.908000",
      "TransmitCoilName": "Body",
      "VariableFlipAngleFlag": "N",
      "WindowCenterWidthExplanation": "Algo1",
      "dBdt": 0.0},
    "slices": {}
  },
  "time": {
    "samples": {
      "AcquisitionNumber": [1, 2, 3],
      "AcquisitionTime": ["125913.097500", "125918.797500", "125924.497500"],
      "ContentTime": ["125917.160000", "125922.654000", "125928.262000"],
      "InstanceCreationTime": ["125917.160000", "125922.654000", "125928.262000"],
      "InstanceNumber": [1, 2, 3],
      "WindowCenter": [11943.0, 11959.0, 11960.0],
      "WindowWidth": [26651.0, 26711.0, 26709.0]
    },
    "slices": {}
  }
}