{
    "Modality": "MR",
    "MagneticFieldStrength": 3,
    "ImagingFrequency": 123.24664,
    "Manufacturer": "Siemens",
    "ManufacturersModelName": "Prisma_fit",
    "InstitutionName": "Washington University",
    "InstitutionalDepartmentName": "Department",
    "InstitutionAddress": "Scott Ave 4525,St. Louis,MO,US,63110",
    "DeviceSerialNumber": "67064",
    "StationName": "MRC35177",
    "BodyPartExamined": "HEAD",
    "PatientPosition": "HFS",
    "ProcedureStepDescription": "head^Dosenbach",
    "SoftwareVersions": "syngo MR E11",
    "MRAcquisitionType": "2D",
    "SeriesDescription": "Arm_Localizer_Task_fMRI_AP_2p6mm_MB4_tr1100_te33_56sl_fa63",
    "ProtocolName": "Arm_Localizer_Task_fMRI_AP_2p6mm_MB4_tr1100_te33_56sl_fa63",
    "ScanningSequence": "EP",
    "SequenceVariant": "SK\\SS",
    "ScanOptions": "FS",
    "SequenceName": "epfid2d1_88",
    "ImageType": [
        "ORIGINAL",
        "PRIMARY",
        "M",
        "MB",
        "ND",
        "NORM",
        "MOSAIC"
    ],
    "NonlinearGradientCorrection": false,
    "SeriesNumber": 14,
    "AcquisitionTime": "17:30:39.427500",
    "AcquisitionNumber": 1,
    "ImageComments": "Unaliased MB4/PE3/LB",
    "SliceThickness": 2.6,
    "SpacingBetweenSlices": 2.6,
    "SAR": 0.0723849,
    "EchoTime": 0.033,
    "RepetitionTime": 1.1,
    "FlipAngle": 63,
    "PartialFourier": 1,
    "BaseResolution": 90,
    "ShimSetting": [
        -2000,
        -11475,
        5868,
        495,
        40,
        -33,
        -10,
        -26
    ],
    "TxRefAmp": 251.521,
    "PhaseResolution": 1,
    "VendorReportedEchoSpacing": 0.00059,
    "ReceiveCoilName": "HeadNeck_64",
    "ReceiveCoilActiveElements": "HC1-7",
    "PulseSequenceDetails": "%CustomerSeq%\\cmrr_mbep2d_bold",
    "WipMemBlock": "6fc898df-1de7-43c3-b5f5-b8c83bdf9c3e||Sequence: R016 ve11c/master r/e634e98; Dec 19 2017 11:00:25 by eja",
    "CoilCombinationMethod": "Sum of Squares",
    "ConsistencyInfo": "N4_VE11C_LATEST_20160120",
    "MatrixCoilMode": "SENSE",
    "MultibandAccelerationFactor": 4,
    "PercentPhaseFOV": 97.7778,
    "PercentSampling": 100,
    "EchoTrainLength": 88,
    "PhaseEncodingSteps": 88,
    "AcquisitionMatrixPE": 88,
    "ReconMatrixPE": 88,
    "BandwidthPerPixelPhaseEncode": 19.26,
    "EffectiveEchoSpacing": 0.000590012,
    "DerivedVendorReportedEchoSpacing": 0.000590012,
    "TotalReadoutTime": 0.0513311,
    "PixelBandwidth": 2220,
    "DwellTime": 2.5e-06,
    "PhaseEncodingDirection": "j-",
    "SliceTiming": [
        0,
        0.2325,
        0.4625,
        0.695,
        0.9275,
        0.0775,
        0.31,
        0.54,
        0.7725,
        1.0025,
        0.155,
        0.3875,
        0.6175,
        0.85,
        0,
        0.2325,
        0.4625,
        0.695,
        0.9275,
        0.0775,
        0.31,
        0.54,
        0.7725,
        1.0025,
        0.155,
        0.3875,
        0.6175,
        0.85,
        0,
        0.2325,
        0.4625,
        0.695,
        0.9275,
        0.0775,
        0.31,
        0.54,
        0.7725,
        1.0025,
        0.155,
        0.3875,
        0.6175,
        0.85,
        0,
        0.2325,
        0.4625,
        0.695,
        0.9275,
        0.0775,
        0.31,
        0.54,
        0.7725,
        1.0025,
        0.155,
        0.3875,
        0.6175,
        0.85
    ],
    "ImageOrientationPatientDICOM": [
        0.999144,
        -0.0400228,
        -0.0104922,
        0.0376847,
        0.984968,
        -0.168577
    ],
    "ImageOrientationText": "Tra>Cor(-9.7)>Sag(-1.0)",
    "InPlanePhaseEncodingDirectionDICOM": "COL",
    "ConversionSoftware": "dcm2niix",
    "ConversionSoftwareVersion": "v1.0.20230411",
    "Dcm2bidsVersion": "2.1.6",
    "TaskName": "armloc"
}