{
    "Modality": "MR",
    "MagneticFieldStrength": 3,
    "ImagingFrequency": 123.246991,
    "Manufacturer": "Siemens",
    "ManufacturersModelName": "Prisma_fit",
    "InstitutionName": "Washington University",
    "InstitutionalDepartmentName": "Department",
    "InstitutionAddress": "Scott Ave 4525,St. Louis,MO,US,63110",
    "DeviceSerialNumber": "67064",
    "StationName": "MRC35177",
    "BodyPartExamined": "BRAIN",
    "PatientPosition": "HFS",
    "ProcedureStepDescription": "head^Dosenbach",
    "SoftwareVersions": "syngo MR E11",
    "MRAcquisitionType": "2D",
    "SeriesDescription": "REST_fMRI_AP_2p6mm_MB4_tr1100_te33_SBRef",
    "ProtocolName": "REST_fMRI_AP_2p6mm_MB4_tr1100_te33",
    "ScanningSequence": "EP",
    "SequenceVariant": "SK\\SS",
    "ScanOptions": "FS",
    "SequenceName": "epfid2d1_90",
    "ImageType": [
        "ORIGINAL",
        "PRIMARY",
        "M",
        "ND",
        "NORM",
        "MOSAIC"
    ],
    "NonlinearGradientCorrection": false,
    "SeriesNumber": 11,
    "AcquisitionTime": "21:09:13.397500",
    "AcquisitionNumber": 1,
    "ImageComments": "Single-band reference",
    "SliceThickness": 2.6,
    "SpacingBetweenSlices": 2.6,
    "SAR": 0.0902651,
    "EchoTime": 0.033,
    "RepetitionTime": 1.1,
    "FlipAngle": 84,
    "PartialFourier": 1,
    "BaseResolution": 90,
    "ShimSetting": [
        -2007,
        -11496,
        5858,
        485,
        30,
        20,
        -76,
        -31
    ],
    "TxRefAmp": 218.605,
    "PhaseResolution": 1,
    "VendorReportedEchoSpacing": 0.00059,
    "ReceiveCoilName": "HeadNeck_64",
    "ReceiveCoilActiveElements": "HC1-7",
    "PulseSequenceDetails": "%CustomerSeq%\\cmrr_mbep2d_bold",
    "WipMemBlock": "c4b8279b-c603-4c5e-8b46-99f180bfa56c||Sequence: ve11c/master r/068cfa9; Jul 21 2016 14:39:26 by eja",
    "CoilCombinationMethod": "Sum of Squares",
    "ConsistencyInfo": "N4_VE11C_LATEST_20160120",
    "MatrixCoilMode": "SENSE",
    "PercentPhaseFOV": 100,
    "PercentSampling": 100,
    "EchoTrainLength": 90,
    "PhaseEncodingSteps": 90,
    "AcquisitionMatrixPE": 90,
    "ReconMatrixPE": 90,
    "BandwidthPerPixelPhaseEncode": 18.832,
    "EffectiveEchoSpacing": 0.000590012,
    "DerivedVendorReportedEchoSpacing": 0.000590012,
    "TotalReadoutTime": 0.0525111,
    "PixelBandwidth": 2220,
    "DwellTime": 2.5e-06,
    "PhaseEncodingDirection": "j-",
    "SliceTiming": [
        0,
        0.0775,
        0.155,
        0.2325,
        0.31,
        0.3875,
        0.4625,
        0.54,
        0.6175,
        0.695,
        0.7725,
        0.85,
        0.9275,
        1.0025,
        1.08,
        1.1575,
        1.235,
        1.3125,
        1.39,
        1.4675,
        1.5425,
        1.62,
        1.6975,
        1.775,
        1.8525,
        1.93,
        2.0075,
        2.0825,
        2.16,
        2.2375,
        2.315,
        2.3925,
        2.47,
        2.5475,
        2.6225,
        2.7,
        2.7775,
        2.855,
        2.9325,
        3.01,
        3.0875,
        3.1625,
        3.24,
        3.3175,
        3.395,
        3.4725,
        3.55,
        3.6275,
        3.7025,
        3.78,
        3.8575,
        3.935,
        4.0125,
        4.09,
        4.1675,
        4.2425
    ],
    "ImageOrientationPatientDICOM": [
        0.996349,
        0.044539,
        0.0728356,
        -0.0405401,
        0.997636,
        -0.0554898
    ],
    "ImageOrientationText": "Tra>Sag(4.3)>Cor(-3.0)",
    "InPlanePhaseEncodingDirectionDICOM": "COL",
    "ConversionSoftware": "dcm2niix",
    "ConversionSoftwareVersion": "v1.0.20230411",
    "Dcm2bidsVersion": "2.1.6",
    "TaskName": "rest"
}