{
  "AcquisitionMatrixPE": 88,
  "AcquisitionNumber": 1,
  "AcquisitionTime": "16:58:15.140000",
  "BandwidthPerPixelPhaseEncode": 19.26,
  "BaseResolution": 90,
  "BodyPartExamined": "HEAD",
  "CoilCombinationMethod": "Sum of Squares",
  "ConsistencyInfo": "N4_VE11C_LATEST_20160120",
  "ConversionSoftware": "dcm2niix",
  "ConversionSoftwareVersion": "v1.0.20230411",
  "DerivedVendorReportedEchoSpacing": 0.000590012,
  "DeviceSerialNumber": "67064",
  "DwellTime": 2.5e-06,
  "EchoTime": 0.06,
  "EchoTrainLength": 88,
  "EffectiveEchoSpacing": 0.000590012,
  "FlipAngle": 90,
  "HeudiconvVersion": "1.0.0",
  "ImageOrientationPatientDICOM": [0.999144, -0.0400228, -0.0104922, 0.0376847, 0.984968, -0.168577],
  "ImageOrientationText": "Tra>Cor(-9.7)>Sag(-1.0)",
  "ImageType": [
    "ORIGINAL",
    "PRIMARY",
    "M",
    "ND",
    "NORM",
    "MOSAIC"
],
  "ImagingFrequency": 123.246625,
  "InPlanePhaseEncodingDirectionDICOM": "COL",
  "InstitutionAddress": "Scott Ave 4525,St. Louis,MO,US,63110",
  "InstitutionName": "Washington University",
  "InstitutionalDepartmentName": "Department",
  "MRAcquisitionType": "2D",
  "MagneticFieldStrength": 3,
  "Manufacturer": "Siemens",
  "ManufacturersModelName": "Prisma_fit",
  "MatrixCoilMode": "SENSE",
  "Modality": "MR",
  "NonlinearGradientCorrection": false,
  "PartialFourier": 1,
  "PatientPosition": "HFS",
  "PercentPhaseFOV": 97.7778,
  "PercentSampling": 100,
  "PhaseEncodingDirection": "j",
  "PhaseEncodingSteps": 88,
  "PhaseResolution": 1,
  "PixelBandwidth": 2220,
  "ProcedureStepDescription": "head^Dosenbach",
  "ProtocolName": "SpinEchoFieldMap_PA_2p6mm_56sl",
  "PulseSequenceDetails": "%CustomerSeq%\\cmrr_mbep2d_se",
  "ReceiveCoilActiveElements": "HC1-7",
  "ReceiveCoilName": "HeadNeck_64",
  "ReconMatrixPE": 88,
  "RepetitionTime": 5.7,
  "SAR": 0.168072,
  "ScanOptions": "FS",
  "ScanningSequence": "EP",
  "SequenceName": "epse2d1_88",
  "SequenceVariant": "SK",
  "SeriesDescription": "SpinEchoFieldMap_PA_2p6mm_56sl",
  "SeriesNumber": 10,
  "ShimSetting": [-2000, -11475, 5868, 495, 40, -33, -10, -26],
  "SliceThickness": 2.6,
  "SliceTiming": [2.84, 0, 2.9425, 0.1025, 3.0425, 0.2025, 3.145, 0.305, 3.245, 0.4075, 3.3475, 0.5075, 3.45, 0.61, 3.55, 0.71, 3.6525, 0.8125, 3.7525, 0.9125, 3.855, 1.015, 3.955, 1.1175, 4.0575, 1.2175, 4.16, 1.32, 4.26, 1.42, 4.3625, 1.5225, 4.4625, 1.6225, 4.565, 1.725, 4.665, 1.8275, 4.7675, 1.9275, 4.87, 2.03, 4.97, 2.13, 5.0725, 2.2325, 5.1725, 2.3325, 5.275, 2.435, 5.375, 2.5375, 5.4775, 2.6375, 5.58, 2.74],
  "SoftwareVersions": "syngo MR E11",
  "SpacingBetweenSlices": 2.6,
  "StationName": "MRC35177",
  "TotalReadoutTime": 0.0513311,
  "TxRefAmp": 251.521,
  "VendorReportedEchoSpacing": 0.00059,
  "WipMemBlock": "7bc9dd9c-e606-468b-b1a7-f1a11f22fd27||Sequence: R016 ve11c/master r/e634e98; Dec 19 2017 11:22:56 by eja",
  "dcmmeta_affine": [
    [-2.597773551940918, 0.09798016399145126, -0.044411662966012955, 109.43643188476562],
    [0.10405923426151276, 2.5609161853790283, -0.43689724802970886, -88.80471801757812],
    [-0.027279725298285484, 0.43830057978630066, 2.5626447200775146, -66.50830841064453],
    [0.0, 0.0, 0.0, 1.0]
],
  "dcmmeta_reorient_transform": [
    [0.0, -1.0, 0.0, 87.0],
    [1.0, 0.0, 0.0, 0.0],
    [0.0, 0.0, 1.0, 0.0],
    [0.0, 0.0, 0.0, 1.0]
],
  "dcmmeta_shape": [90, 88, 56, 3],
  "dcmmeta_slice_dim": 2,
  "dcmmeta_version": 0.6,
  "global": {
    "const": {
      "AccessionNumber": ".",
      "AcquisitionMatrix": [90, 0, 0, 88],
      "AngioFlag": "N",
      "BitsAllocated": 16,
      "BitsStored": 16,
      "BodyPartExamined": "HEAD",
      "Columns": 720,
      "EchoNumbers": 1,
      "EchoTime": 60.0,
      "EchoTrainLength": 88,
      "FlipAngle": 90.0,
      "HighBit": 15,
      "ImageOrientationPatient": [0.99914367859055, -0.0400227837954, -0.010492202334, 0.03768467872714, 0.98496782085167, -0.1685771540748],
      "ImagePositionPatient": [-966.43724168886, -889.9785411057, 115.21353353857],
      "ImageType": [
        "ORIGINAL",
        "PRIMARY",
        "M",
        "ND",
        "NORM",
        "MOSAIC"
],
      "ImagedNucleus": "1H",
      "ImagingFrequency": 123.246625,
      "InPlanePhaseEncodingDirection": "COL",
      "LargestImagePixelValue": 65535,
      "MRAcquisitionType": "2D",
      "MagneticFieldStrength": 3.0,
      "Manufacturer": "SIEMENS",
      "ManufacturerModelName": "Prisma_fit",
      "Modality": "MR",
      "NumberOfAverages": 1.0,
      "NumberOfPhaseEncodingSteps": 88,
      "PercentPhaseFieldOfView": 97.777777777778,
      "PercentSampling": 100.0,
      "PerformedProcedureStepStartTime": "165447.345000",
      "PhotometricInterpretation": "MONOCHROME2",
      "PixelBandwidth": 2220.0,
      "PixelRepresentation": 0,
      "PixelSpacing": [2.5999999046326, 2.5999999046326],
      "ProtocolName": "SpinEchoFieldMap_PA_2p6mm_56sl",
      "RepetitionTime": 5700.0,
      "Rows": 704,
      "SAR": 0.168072283013,
      "SamplesPerPixel": 1,
      "ScanOptions": "FS",
      "ScanningSequence": "EP",
      "SequenceName": "epse2d1_88",
      "SequenceVariant": "SK",
      "SeriesDescription": "SpinEchoFieldMap_PA_2p6mm_56sl",
      "SeriesNumber": 10,
      "SeriesTime": "165829.473000",
      "SliceLocation": -52.499575222378,
      "SliceThickness": 2.5999999046326,
      "SmallestImagePixelValue": 0,
      "SoftwareVersions": "syngo MR E11",
      "SpacingBetweenSlices": 2.599999949116,
      "SpecificCharacterSet": "ISO_IR 100",
      "StudyID": "1",
      "StudyTime": "165447.280000",
      "TransmitCoilName": "Body",
      "VariableFlipAngleFlag": "N",
      "WindowCenterWidthExplanation": "Algo1",
      "dBdt": 0.0},
    "slices": {}
  },
  "time": {
    "samples": {
      "AcquisitionNumber": [1, 2, 3],
      "AcquisitionTime": ["165815.140000", "165820.840000", "165826.540000"],
      "ContentTime": ["165829.477000", "165829.481000", "165829.484000"],
      "InstanceCreationTime": ["165829.477000", "165829.481000", "165829.484000"],
      "InstanceNumber": [1, 2, 3],
      "WindowCenter": [11669.0, 11671.0, 11673.0],
      "WindowWidth": [25826.0, 25827.0, 25830.0]
    },
    "slices": {}
  }
}