{
    "Modality": "MR",
    "MagneticFieldStrength": 3,
    "ImagingFrequency": 123.244307,
    "Manufacturer": "Siemens",
    "ManufacturersModelName": "Prisma",
    "InstitutionName": "WUSTL_bay1",
    "InstitutionalDepartmentName": "Research",
    "InstitutionAddress": "Scott St. 4525,St. Louis,Missouri,US,63110",
    "DeviceSerialNumber": "166158",
    "StationName": "AWP166158",
    "BodyPartExamined": "HEAD",
    "PatientPosition": "HFS",
    "ProcedureStepDescription": "HEAD^Dosenbach",
    "SoftwareVersions": "syngo MR E11",
    "MRAcquisitionType": "2D",
    "SeriesDescription": "emotion-ME_1_SBRef",
    "ProtocolName": "emotion-ME_1",
    "ScanningSequence": "EP",
    "SequenceVariant": "SK\\SS",
    "ScanOptions": "PFP\\FS\\CT",
    "SequenceName": "epfid2d5_110",
    "ImageType": [
        "ORIGINAL",
        "PRIMARY",
        "P",
        "TE1",
        "ND",
        "MOSAIC",
        "PHASE"
    ],
    "NonlinearGradientCorrection": false,
    "SeriesNumber": 27,
    "AcquisitionTime": "19:10:18.282500",
    "AcquisitionNumber": 1,
    "ImageComments": "Single-band reference SENSE1+",
    "SliceThickness": 2,
    "SpacingBetweenSlices": 2,
    "SAR": 0.0593277,
    "EchoNumber": 1,
    "EchoTime": 0.0142,
    "RepetitionTime": 1.761,
    "FlipAngle": 68,
    "EchoTime1": 0.0142,
    "EchoTime2": 0.03893,
    "PartialFourier": 0.75,
    "BaseResolution": 110,
    "ShimSetting": [
        4625,
        -7125,
        240,
        384,
        0,
        -126,
        -5,
        71
    ],
    "TxRefAmp": 268.914,
    "PhaseResolution": 1,
    "ReceiveCoilName": "HeadNeck_64",
    "ReceiveCoilActiveElements": "HC1-7;NC1,2",
    "PulseSequenceDetails": "%CustomerSeq%\\cmrr_mbep2d_bold",
    "WipMemBlock": "69ea2be7-c1a7-49c1-b71a-06fa22289eb1||Sequence: R016 ve11c/master r/e634e98; Dec 19 2017 11:00:25 by eja",
    "RefLinesPE": 24,
    "CoilCombinationMethod": "Sum of Squares",
    "ConsistencyInfo": "N4_VE11C_LATEST_20160120",
    "MatrixCoilMode": "GRAPPA",
    "PercentPhaseFOV": 100,
    "PercentSampling": 100,
    "EchoTrainLength": 42,
    "PhaseEncodingSteps": 83,
    "AcquisitionMatrixPE": 110,
    "ReconMatrixPE": 110,
    "BandwidthPerPixelPhaseEncode": 32.468,
    "ParallelReductionFactorInPlane": 2,
    "EffectiveEchoSpacing": 0.000279996,
    "DerivedVendorReportedEchoSpacing": 0.000559992,
    "TotalReadoutTime": 0.0305196,
    "PixelBandwidth": 2275,
    "DwellTime": 2e-06,
    "PhaseEncodingDirection": "j",
    "SliceTiming": [
        0,
        0.145,
        0.29,
        0.435,
        0.58,
        0.725,
        0.87,
        1.015,
        1.16,
        1.305,
        1.45,
        1.595,
        1.74,
        1.885,
        2.03,
        2.175,
        2.32,
        2.465,
        2.61,
        2.755,
        2.9,
        3.045,
        3.19,
        3.335,
        3.48,
        3.625,
        3.77,
        3.915,
        4.06,
        4.205,
        4.3525,
        4.4975,
        4.6425,
        4.7875,
        4.9325,
        5.0775,
        5.2225,
        5.3675,
        5.5125,
        5.6575,
        5.8025,
        5.9475,
        6.0925,
        6.2375,
        6.3825,
        6.5275,
        6.6725,
        6.8175,
        6.9625,
        7.1075,
        7.2525,
        7.3975,
        7.5425,
        7.6875,
        7.8325,
        7.9775,
        8.1225,
        8.2675,
        8.4125,
        8.5575,
        8.7025,
        8.85,
        8.995,
        9.14,
        9.285,
        9.43,
        9.575,
        9.72,
        9.865,
        10.01,
        10.155,
        10.3
    ],
    "ImageOrientationPatientDICOM": [
        0.999863,
        -0.0155001,
        -0.00587528,
        0.0109946,
        0.885383,
        -0.464732
    ],
    "ImageOrientationText": "Tra>Cor(-27.7)>Sag(-0.7)",
    "InPlanePhaseEncodingDirectionDICOM": "COL",
    "ConversionSoftware": "dcm2niix",
    "ConversionSoftwareVersion": "v1.0.20230411",
    "Dcm2bidsVersion": "2.1.6",
    "TaskName": "emotion"
}