{
    "Modality": "MR",
    "MagneticFieldStrength": 3,
    "ImagingFrequency": 123.244307,
    "Manufacturer": "Siemens",
    "ManufacturersModelName": "Prisma",
    "InstitutionName": "WUSTL_bay1",
    "InstitutionalDepartmentName": "Research",
    "InstitutionAddress": "Scott St. 4525,St. Louis,Missouri,US,63110",
    "DeviceSerialNumber": "166158",
    "StationName": "AWP166158",
    "BodyPartExamined": "HEAD",
    "PatientPosition": "HFS",
    "ProcedureStepDescription": "HEAD^Dosenbach",
    "SoftwareVersions": "syngo MR E11",
    "MRAcquisitionType": "2D",
    "SeriesDescription": "emotion-ME_1_SBRef",
    "ProtocolName": "emotion-ME_1",
    "ScanningSequence": "EP",
    "SequenceVariant": "SK\\SS",
    "ScanOptions": "PFP\\FS\\CT",
    "SequenceName": "epfid2d5_110",
    "ImageType": [
        "ORIGINAL",
        "PRIMARY",
        "M",
        "TE2",
        "ND",
        "NORM",
        "MOSAIC"
    ],
    "NonlinearGradientCorrection": false,
    "SeriesNumber": 27,
    "AcquisitionTime": "19:10:18.305000",
    "AcquisitionNumber": 1,
    "ImageComments": "Single-band reference SENSE1+",
    "SliceThickness": 2,
    "SpacingBetweenSlices": 2,
    "SAR": 0.0593277,
    "EchoNumber": 2,
    "EchoTime": 0.03893,
    "RepetitionTime": 1.761,
    "FlipAngle": 68,
    "PartialFourier": 0.75,
    "BaseResolution": 110,
    "ShimSetting": [
        4625,
        -7125,
        240,
        384,
        0,
        -126,
        -5,
        71
    ],
    "TxRefAmp": 268.914,
    "PhaseResolution": 1,
    "ReceiveCoilName": "HeadNeck_64",
    "ReceiveCoilActiveElements": "HC1-7;NC1,2",
    "PulseSequenceDetails": "%CustomerSeq%\\cmrr_mbep2d_bold",
    "WipMemBlock": "69ea2be7-c1a7-49c1-b71a-06fa22289eb1||Sequence: R016 ve11c/master r/e634e98; Dec 19 2017 11:00:25 by eja",
    "RefLinesPE": 24,
    "CoilCombinationMethod": "Sum of Squares",
    "ConsistencyInfo": "N4_VE11C_LATEST_20160120",
    "MatrixCoilMode": "GRAPPA",
    "PercentPhaseFOV": 100,
    "PercentSampling": 100,
    "EchoTrainLength": 42,
    "PhaseEncodingSteps": 83,
    "AcquisitionMatrixPE": 110,
    "ReconMatrixPE": 110,
    "BandwidthPerPixelPhaseEncode": 32.468,
    "ParallelReductionFactorInPlane": 2,
    "EffectiveEchoSpacing": 0.000279996,
    "DerivedVendorReportedEchoSpacing": 0.000559992,
    "TotalReadoutTime": 0.0305196,
    "PixelBandwidth": 2275,
    "DwellTime": 2e-06,
    "PhaseEncodingDirection": "j",
    "SliceTiming": [
        0,
        0.145,
        0.2925,
        0.4375,
        0.5825,
        0.7275,
        0.8725,
        1.0175,
        1.1625,
        1.3075,
        1.4525,
        1.5975,
        1.7425,
        1.8875,
        2.0325,
        2.1775,
        2.3225,
        2.4675,
        2.6125,
        2.7575,
        2.9025,
        3.0475,
        3.1925,
        3.3375,
        3.4825,
        3.6275,
        3.7725,
        3.9175,
        4.0625,
        4.2075,
        4.3525,
        4.4975,
        4.6425,
        4.79,
        4.935,
        5.08,
        5.225,
        5.37,
        5.515,
        5.66,
        5.805,
        5.95,
        6.095,
        6.24,
        6.385,
        6.53,
        6.675,
        6.82,
        6.965,
        7.11,
        7.255,
        7.4,
        7.545,
        7.69,
        7.835,
        7.98,
        8.125,
        8.27,
        8.415,
        8.56,
        8.705,
        8.85,
        8.995,
        9.14,
        9.285,
        9.4325,
        9.5775,
        9.7225,
        9.8675,
        10.0125,
        10.1575,
        10.3025
    ],
    "ImageOrientationPatientDICOM": [
        0.999863,
        -0.0155001,
        -0.00587528,
        0.0109946,
        0.885383,
        -0.464732
    ],
    "ImageOrientationText": "Tra>Cor(-27.7)>Sag(-0.7)",
    "InPlanePhaseEncodingDirectionDICOM": "COL",
    "ConversionSoftware": "dcm2niix",
    "ConversionSoftwareVersion": "v1.0.20230411",
    "Dcm2bidsVersion": "2.1.6",
    "TaskName": "emotion"
}